STORAGE: NONE
RESTRICTION: || (== net461) (== netcoreapp3.1) (== netstandard2.0)
NUGET
  remote: https://api.nuget.org/v3/index.json
    BenchmarkDotNet (0.12)
      BenchmarkDotNet.Annotations (>= 0.12) - restriction: || (&& (== net461) (>= netstandard2.0)) (== netcoreapp3.1) (== netstandard2.0)
      CommandLineParser (>= 2.4.3) - restriction: || (&& (== net461) (>= netstandard2.0)) (== netcoreapp3.1) (== netstandard2.0)
      Microsoft.CodeAnalysis.CSharp (>= 2.10) - restriction: || (&& (== net461) (>= netstandard2.0)) (== netcoreapp3.1) (== netstandard2.0)
      Microsoft.DotNet.PlatformAbstractions (>= 2.1) - restriction: || (&& (== net461) (>= netstandard2.0)) (== netcoreapp3.1) (== netstandard2.0)
      Microsoft.Win32.Registry (>= 4.5) - restriction: || (&& (== net461) (>= netstandard2.0)) (== netcoreapp3.1) (== netstandard2.0)
      System.Management (>= 4.5) - restriction: || (&& (== net461) (>= netstandard2.0)) (== netcoreapp3.1) (== netstandard2.0)
      System.Reflection.Emit (>= 4.3) - restriction: || (&& (== net461) (>= netstandard2.0)) (== netcoreapp3.1) (== netstandard2.0)
      System.Reflection.Emit.Lightweight (>= 4.3) - restriction: || (&& (== net461) (>= netstandard2.0)) (== netcoreapp3.1) (== netstandard2.0)
      System.Threading.Tasks.Extensions (>= 4.5.2) - restriction: || (&& (== net461) (>= netstandard2.0)) (== netcoreapp3.1) (== netstandard2.0)
      System.ValueTuple (>= 4.5) - restriction: || (&& (== net461) (>= netstandard2.0)) (== netcoreapp3.1) (== netstandard2.0)
    BenchmarkDotNet.Annotations (0.12) - restriction: || (&& (== net461) (>= netstandard2.0)) (== netcoreapp3.1) (== netstandard2.0)
    CommandLineParser (2.7.82) - restriction: || (&& (== net461) (>= netstandard2.0)) (== netcoreapp3.1) (== netstandard2.0)
    DiffPlex (1.5)
      NETStandard.Library (>= 1.6.1) - restriction: || (&& (== net461) (< net35)) (== netcoreapp3.1) (== netstandard2.0)
    FsCheck (2.14.2)
      FSharp.Core (>= 4.2.3)
    FSharp.Core (4.6)
    Hopac (0.4.1)
      FSharp.Core (>= 4.5 < 5.0) - restriction: || (&& (== net461) (>= netstandard2.0)) (== netcoreapp3.1) (== netstandard2.0)
    Microsoft.CodeAnalysis.Analyzers (3.0.0-beta2.final) - restriction: || (&& (== net461) (>= netstandard2.0)) (== netcoreapp3.1) (== netstandard2.0)
    Microsoft.CodeAnalysis.Common (3.5) - restriction: || (&& (== net461) (>= netstandard2.0)) (== netcoreapp3.1) (== netstandard2.0)
      Microsoft.CodeAnalysis.Analyzers (>= 3.0.0-beta2.20059.3) - restriction: || (&& (== net461) (>= netstandard2.0)) (== netcoreapp3.1) (== netstandard2.0)
      System.Collections.Immutable (>= 1.5) - restriction: || (&& (== net461) (>= netstandard2.0)) (== netcoreapp3.1) (== netstandard2.0)
      System.Memory (>= 4.5.3) - restriction: || (&& (== net461) (>= netstandard2.0)) (== netcoreapp3.1) (== netstandard2.0)
      System.Reflection.Metadata (>= 1.6) - restriction: || (&& (== net461) (>= netstandard2.0)) (== netcoreapp3.1) (== netstandard2.0)
      System.Runtime.CompilerServices.Unsafe (>= 4.6) - restriction: || (&& (== net461) (>= netstandard2.0)) (== netcoreapp3.1) (== netstandard2.0)
      System.Text.Encoding.CodePages (>= 4.5.1) - restriction: || (&& (== net461) (>= netstandard2.0)) (== netcoreapp3.1) (== netstandard2.0)
      System.Threading.Tasks.Extensions (>= 4.5.3) - restriction: || (&& (== net461) (>= netstandard2.0)) (== netcoreapp3.1) (== netstandard2.0)
    Microsoft.CodeAnalysis.CSharp (3.5) - restriction: || (&& (== net461) (>= netstandard2.0)) (== netcoreapp3.1) (== netstandard2.0)
      Microsoft.CodeAnalysis.Common (3.5) - restriction: || (&& (== net461) (>= netstandard2.0)) (== netcoreapp3.1) (== netstandard2.0)
    Microsoft.DotNet.PlatformAbstractions (3.1.3) - restriction: || (&& (== net461) (>= netstandard2.0)) (== netcoreapp3.1) (== netstandard2.0)
    Microsoft.NETCore.Platforms (3.1) - restriction: || (&& (== net461) (< net35)) (&& (== net461) (>= netcoreapp2.0)) (&& (== net461) (< netstandard1.0) (>= win8)) (&& (== net461) (< netstandard1.3) (>= wpa81)) (&& (== net461) (>= uap10.0)) (&& (== net461) (>= uap10.1)) (&& (== net461) (>= wp8)) (== netcoreapp3.1) (== netstandard2.0)
    Microsoft.Win32.Registry (4.7) - restriction: || (&& (== net461) (>= netcoreapp2.0)) (&& (== net461) (>= netstandard2.0)) (== netcoreapp3.1) (== netstandard2.0)
      System.Buffers (>= 4.5) - restriction: || (&& (== net461) (>= monoandroid)) (&& (== net461) (>= monotouch)) (&& (== net461) (< net46) (>= netstandard2.0)) (&& (== net461) (>= xamarinios)) (&& (== net461) (>= xamarinmac)) (&& (== net461) (>= xamarintvos)) (&& (== net461) (>= xamarinwatchos)) (&& (== netcoreapp3.1) (>= monoandroid) (< netstandard2.0)) (&& (== netcoreapp3.1) (>= monotouch)) (&& (== netcoreapp3.1) (< netcoreapp2.0)) (&& (== netcoreapp3.1) (>= xamarinios)) (&& (== netcoreapp3.1) (>= xamarinmac)) (&& (== netcoreapp3.1) (>= xamarintvos)) (&& (== netcoreapp3.1) (>= xamarinwatchos)) (== netstandard2.0)
      System.Memory (>= 4.5.3) - restriction: || (&& (== net461) (< net46) (>= netstandard2.0)) (&& (== net461) (>= netcoreapp2.0)) (&& (== net461) (>= uap10.1)) (&& (== netcoreapp3.1) (< netcoreapp2.0)) (&& (== netcoreapp3.1) (< netcoreapp2.1)) (&& (== netcoreapp3.1) (>= uap10.1)) (== netstandard2.0)
      System.Security.AccessControl (>= 4.7)
      System.Security.Principal.Windows (>= 4.7)
    Mono.Cecil (0.11.2)
    NETStandard.Library (2.0.3) - restriction: || (&& (== net461) (< net35)) (== netcoreapp3.1) (== netstandard2.0)
      Microsoft.NETCore.Platforms (>= 1.1)
    System.Buffers (4.5.1) - restriction: || (&& (== net461) (== netcoreapp3.1)) (&& (== net461) (>= monoandroid) (>= netstandard2.0)) (&& (== net461) (>= monotouch) (>= netstandard2.0)) (&& (== net461) (< net45) (>= netstandard2.0)) (&& (== net461) (< net46) (>= netstandard2.0)) (&& (== net461) (>= netcoreapp2.0)) (&& (== net461) (< netstandard1.1) (>= netstandard2.0)) (&& (== net461) (>= netstandard2.0) (>= uap10.1)) (&& (== net461) (>= netstandard2.0) (>= wpa81)) (&& (== net461) (>= netstandard2.0) (>= xamarintvos)) (&& (== net461) (>= netstandard2.0) (>= xamarinwatchos)) (&& (== net461) (>= xamarinios)) (&& (== net461) (>= xamarinmac)) (&& (== netcoreapp3.1) (>= monotouch)) (&& (== netcoreapp3.1) (>= net461)) (&& (== netcoreapp3.1) (< netcoreapp2.0)) (&& (== netcoreapp3.1) (< netstandard1.1)) (&& (== netcoreapp3.1) (< netstandard2.0)) (&& (== netcoreapp3.1) (>= uap10.1)) (&& (== netcoreapp3.1) (>= xamarinios)) (&& (== netcoreapp3.1) (>= xamarinmac)) (&& (== netcoreapp3.1) (>= xamarintvos)) (&& (== netcoreapp3.1) (>= xamarinwatchos)) (== netstandard2.0)
    System.CodeDom (4.7) - restriction: || (&& (== net461) (< net45) (>= netstandard2.0)) (&& (== net461) (>= netcoreapp2.0)) (== netcoreapp3.1) (== netstandard2.0)
    System.Collections.Immutable (1.7) - restriction: || (&& (== net461) (>= netstandard2.0)) (== netcoreapp3.1) (== netstandard2.0)
      System.Memory (>= 4.5.3) - restriction: || (== net461) (&& (== netcoreapp3.1) (>= net46)) (&& (== netcoreapp3.1) (< netcoreapp2.1)) (&& (== netcoreapp3.1) (< netstandard2.0)) (&& (== netcoreapp3.1) (>= uap10.1)) (== netstandard2.0)
    System.Management (4.7) - restriction: || (&& (== net461) (>= netstandard2.0)) (== netcoreapp3.1) (== netstandard2.0)
      Microsoft.NETCore.Platforms (>= 3.1) - restriction: || (&& (== net461) (>= netcoreapp2.0)) (== netcoreapp3.1) (&& (== netstandard2.0) (>= netcoreapp2.0))
      Microsoft.Win32.Registry (>= 4.7) - restriction: || (&& (== net461) (>= netcoreapp2.0)) (== netcoreapp3.1) (&& (== netstandard2.0) (>= netcoreapp2.0))
      System.CodeDom (>= 4.7) - restriction: || (&& (== net461) (< net45) (>= netstandard2.0)) (&& (== net461) (>= netcoreapp2.0)) (== netcoreapp3.1) (== netstandard2.0)
    System.Memory (4.5.4) - restriction: || (&& (== net461) (>= netcoreapp2.0)) (&& (== net461) (>= netstandard2.0)) (== netcoreapp3.1) (== netstandard2.0)
      System.Buffers (>= 4.5.1) - restriction: || (== net461) (&& (== netcoreapp3.1) (>= monotouch)) (&& (== netcoreapp3.1) (>= net461)) (&& (== netcoreapp3.1) (< netcoreapp2.0)) (&& (== netcoreapp3.1) (< netstandard1.1)) (&& (== netcoreapp3.1) (< netstandard2.0)) (&& (== netcoreapp3.1) (>= xamarinios)) (&& (== netcoreapp3.1) (>= xamarinmac)) (&& (== netcoreapp3.1) (>= xamarintvos)) (&& (== netcoreapp3.1) (>= xamarinwatchos)) (== netstandard2.0)
      System.Numerics.Vectors (>= 4.4) - restriction: || (&& (== net461) (< net45) (>= netstandard2.0)) (&& (== netcoreapp3.1) (< netcoreapp2.0)) (== netstandard2.0)
      System.Runtime.CompilerServices.Unsafe (>= 4.5.3) - restriction: || (== net461) (&& (== netcoreapp3.1) (>= monotouch)) (&& (== netcoreapp3.1) (>= net461)) (&& (== netcoreapp3.1) (< netcoreapp2.0)) (&& (== netcoreapp3.1) (< netcoreapp2.1)) (&& (== netcoreapp3.1) (< netstandard1.1)) (&& (== netcoreapp3.1) (< netstandard2.0)) (&& (== netcoreapp3.1) (>= uap10.1)) (&& (== netcoreapp3.1) (>= xamarinios)) (&& (== netcoreapp3.1) (>= xamarinmac)) (&& (== netcoreapp3.1) (>= xamarintvos)) (&& (== netcoreapp3.1) (>= xamarinwatchos)) (== netstandard2.0)
    System.Numerics.Vectors (4.5) - restriction: || (&& (== net461) (== netcoreapp3.1)) (&& (== net461) (< net45) (>= netstandard2.0)) (&& (== net461) (>= netcoreapp2.0)) (&& (== net461) (>= netstandard2.0) (>= uap10.1)) (&& (== netcoreapp3.1) (< netcoreapp2.0)) (&& (== netcoreapp3.1) (>= uap10.1)) (== netstandard2.0)
    System.Reflection.Emit (4.7) - restriction: || (&& (== net461) (>= netstandard2.0)) (== netcoreapp3.1) (== netstandard2.0)
      System.Reflection.Emit.ILGeneration (>= 4.7) - restriction: || (&& (== net461) (< net45)) (&& (== net461) (< netstandard1.1)) (&& (== net461) (>= uap10.1)) (&& (== net461) (>= wpa81)) (&& (== netcoreapp3.1) (< netcoreapp2.0) (< netstandard2.1)) (&& (== netcoreapp3.1) (< netstandard1.1)) (&& (== netcoreapp3.1) (< netstandard2.0)) (&& (== netcoreapp3.1) (>= uap10.1)) (== netstandard2.0)
    System.Reflection.Emit.ILGeneration (4.7) - restriction: || (&& (== net461) (== netcoreapp3.1)) (&& (== net461) (< net45) (>= netstandard2.0)) (&& (== net461) (< netstandard1.1) (>= netstandard2.0)) (&& (== net461) (>= netstandard2.0) (>= uap10.1)) (&& (== net461) (>= netstandard2.0) (>= wpa81)) (&& (== netcoreapp3.1) (< netcoreapp2.0) (< netstandard2.1)) (&& (== netcoreapp3.1) (< netstandard1.1)) (&& (== netcoreapp3.1) (< netstandard2.0)) (&& (== netcoreapp3.1) (>= uap10.1)) (== netstandard2.0)
    System.Reflection.Emit.Lightweight (4.7) - restriction: || (&& (== net461) (>= netstandard2.0)) (== netcoreapp3.1) (== netstandard2.0)
      System.Reflection.Emit.ILGeneration (>= 4.7) - restriction: || (&& (== net461) (< net45)) (&& (== net461) (< portable-net45+wp8)) (&& (== net461) (>= uap10.1)) (&& (== net461) (>= wpa81)) (&& (== netcoreapp3.1) (< netcoreapp2.0) (< netstandard2.1)) (&& (== netcoreapp3.1) (< netstandard2.0)) (&& (== netcoreapp3.1) (< portable-net45+wp8)) (&& (== netcoreapp3.1) (>= uap10.1)) (== netstandard2.0)
    System.Reflection.Metadata (1.8) - restriction: || (&& (== net461) (>= netstandard2.0)) (== netcoreapp3.1) (== netstandard2.0)
      System.Collections.Immutable (>= 1.7) - restriction: || (== net461) (&& (== netcoreapp3.1) (>= net45)) (&& (== netcoreapp3.1) (< netstandard1.1)) (&& (== netcoreapp3.1) (< netstandard2.0)) (== netstandard2.0)
    System.Runtime.CompilerServices.Unsafe (4.7.1) - restriction: || (&& (== net461) (>= netcoreapp2.0)) (&& (== net461) (>= netstandard2.0)) (== netcoreapp3.1) (== netstandard2.0)
    System.Security.AccessControl (4.7) - restriction: || (&& (== net461) (>= netcoreapp2.0)) (&& (== net461) (>= netstandard2.0)) (&& (== net461) (>= xamarinios)) (&& (== net461) (>= xamarinmac)) (== netcoreapp3.1) (== netstandard2.0)
      Microsoft.NETCore.Platforms (>= 3.1) - restriction: || (&& (== net461) (>= netcoreapp2.0)) (== netcoreapp3.1) (&& (== netstandard2.0) (>= netcoreapp2.0))
      System.Security.Principal.Windows (>= 4.7)
    System.Security.Principal.Windows (4.7) - restriction: || (&& (== net461) (>= netcoreapp2.0)) (&& (== net461) (>= netstandard2.0)) (&& (== net461) (>= xamarinios)) (&& (== net461) (>= xamarinmac)) (== netcoreapp3.1) (== netstandard2.0)
    System.Text.Encoding.CodePages (4.7) - restriction: || (&& (== net461) (>= netstandard2.0)) (== netcoreapp3.1) (== netstandard2.0)
      Microsoft.NETCore.Platforms (>= 3.1) - restriction: || (&& (== net461) (>= netcoreapp2.0)) (== netcoreapp3.1) (&& (== netstandard2.0) (>= netcoreapp2.0))
      System.Runtime.CompilerServices.Unsafe (>= 4.7) - restriction: || (== net461) (&& (== netcoreapp3.1) (>= net461)) (&& (== netcoreapp3.1) (< netcoreapp2.0)) (== netstandard2.0)
    System.Threading.Tasks.Extensions (4.5.4) - restriction: || (&& (== net461) (>= netstandard2.0)) (== netcoreapp3.1) (== netstandard2.0)
      System.Runtime.CompilerServices.Unsafe (>= 4.5.3) - restriction: || (== net461) (&& (== netcoreapp3.1) (>= net461)) (&& (== netcoreapp3.1) (< netcoreapp2.1)) (&& (== netcoreapp3.1) (< netstandard1.0)) (&& (== netcoreapp3.1) (< netstandard2.0)) (&& (== netcoreapp3.1) (>= wp8)) (== netstandard2.0)
    System.ValueTuple (4.5) - restriction: || (&& (== net461) (>= netstandard2.0)) (== netcoreapp3.1) (== netstandard2.0)

GROUP Build
STORAGE: NONE
RESTRICTION: || (== net461) (== netcoreapp3.1) (== netstandard2.0)
NUGET
  remote: https://api.nuget.org/v3/index.json
    BlackFox.VsWhere (1.0) - restriction: || (&& (== net461) (>= net462)) (&& (== net461) (>= netstandard2.0)) (== netcoreapp3.1) (== netstandard2.0)
      FSharp.Core (>= 4.2.3) - restriction: || (&& (== net461) (< net45) (>= netstandard2.0)) (== netcoreapp3.1) (== netstandard2.0)
    Fake.Api.GitHub (5.19.1)
      FSharp.Core (>= 4.7) - restriction: || (&& (== net461) (>= net462)) (&& (== net461) (>= netstandard2.0)) (== netcoreapp3.1) (== netstandard2.0)
      Octokit (>= 0.36) - restriction: || (&& (== net461) (>= net462)) (&& (== net461) (>= netstandard2.0)) (== netcoreapp3.1) (== netstandard2.0)
    Fake.BuildServer.AppVeyor (5.19.1)
      Fake.Core.Environment (>= 5.19.1) - restriction: || (&& (== net461) (>= net462)) (&& (== net461) (>= netstandard2.0)) (== netcoreapp3.1) (== netstandard2.0)
      Fake.Core.Process (>= 5.19.1) - restriction: || (&& (== net461) (>= net462)) (&& (== net461) (>= netstandard2.0)) (== netcoreapp3.1) (== netstandard2.0)
      Fake.Core.String (>= 5.19.1) - restriction: || (&& (== net461) (>= net462)) (&& (== net461) (>= netstandard2.0)) (== netcoreapp3.1) (== netstandard2.0)
      Fake.Core.Trace (>= 5.19.1) - restriction: || (&& (== net461) (>= net462)) (&& (== net461) (>= netstandard2.0)) (== netcoreapp3.1) (== netstandard2.0)
      Fake.IO.FileSystem (>= 5.19.1) - restriction: || (&& (== net461) (>= net462)) (&& (== net461) (>= netstandard2.0)) (== netcoreapp3.1) (== netstandard2.0)
      Fake.Net.Http (>= 5.19.1) - restriction: || (&& (== net461) (>= net462)) (&& (== net461) (>= netstandard2.0)) (== netcoreapp3.1) (== netstandard2.0)
      FSharp.Core (>= 4.7) - restriction: || (&& (== net461) (>= net462)) (&& (== net461) (>= netstandard2.0)) (== netcoreapp3.1) (== netstandard2.0)
      System.Diagnostics.FileVersionInfo (>= 4.3) - restriction: || (&& (== net461) (>= net462)) (&& (== net461) (>= netstandard2.0)) (== netcoreapp3.1) (== netstandard2.0)
      System.Diagnostics.Process (>= 4.3) - restriction: || (&& (== net461) (>= net462)) (&& (== net461) (>= netstandard2.0)) (== netcoreapp3.1) (== netstandard2.0)
      System.IO.FileSystem.Watcher (>= 4.3) - restriction: || (&& (== net461) (>= net462)) (&& (== net461) (>= netstandard2.0)) (== netcoreapp3.1) (== netstandard2.0)
      System.Net.Http (>= 4.3.4) - restriction: || (&& (== net461) (>= net462)) (&& (== net461) (>= netstandard2.0)) (== netcoreapp3.1) (== netstandard2.0)
      System.Xml.ReaderWriter (>= 4.3.1) - restriction: || (&& (== net461) (>= netstandard2.0)) (== netcoreapp3.1) (== netstandard2.0)
      System.Xml.XDocument (>= 4.3) - restriction: || (&& (== net461) (>= netstandard2.0)) (== netcoreapp3.1) (== netstandard2.0)
      System.Xml.XmlDocument (>= 4.3) - restriction: || (&& (== net461) (>= net462)) (&& (== net461) (>= netstandard2.0)) (== netcoreapp3.1) (== netstandard2.0)
      System.Xml.XPath (>= 4.3) - restriction: || (&& (== net461) (>= net462)) (&& (== net461) (>= netstandard2.0)) (== netcoreapp3.1) (== netstandard2.0)
      System.Xml.XPath.XDocument (>= 4.3) - restriction: || (&& (== net461) (>= net462)) (&& (== net461) (>= netstandard2.0)) (== netcoreapp3.1) (== netstandard2.0)
      System.Xml.XPath.XmlDocument (>= 4.3) - restriction: || (&& (== net461) (>= net462)) (&& (== net461) (>= netstandard2.0)) (== netcoreapp3.1) (== netstandard2.0)
    Fake.BuildServer.Travis (5.19.1)
      Fake.Core.Environment (>= 5.19.1) - restriction: || (&& (== net461) (>= net462)) (&& (== net461) (>= netstandard2.0)) (== netcoreapp3.1) (== netstandard2.0)
      Fake.Core.Trace (>= 5.19.1) - restriction: || (&& (== net461) (>= net462)) (&& (== net461) (>= netstandard2.0)) (== netcoreapp3.1) (== netstandard2.0)
      Fake.IO.FileSystem (>= 5.19.1) - restriction: || (&& (== net461) (>= net462)) (&& (== net461) (>= netstandard2.0)) (== netcoreapp3.1) (== netstandard2.0)
      FSharp.Core (>= 4.7) - restriction: || (&& (== net461) (>= net462)) (&& (== net461) (>= netstandard2.0)) (== netcoreapp3.1) (== netstandard2.0)
      System.Diagnostics.FileVersionInfo (>= 4.3) - restriction: || (&& (== net461) (>= net462)) (&& (== net461) (>= netstandard2.0)) (== netcoreapp3.1) (== netstandard2.0)
      System.Diagnostics.Process (>= 4.3) - restriction: || (&& (== net461) (>= net462)) (&& (== net461) (>= netstandard2.0)) (== netcoreapp3.1) (== netstandard2.0)
      System.IO.FileSystem.Watcher (>= 4.3) - restriction: || (&& (== net461) (>= net462)) (&& (== net461) (>= netstandard2.0)) (== netcoreapp3.1) (== netstandard2.0)
      System.Net.Http (>= 4.3.4) - restriction: || (&& (== net461) (>= net462)) (&& (== net461) (>= netstandard2.0)) (== netcoreapp3.1) (== netstandard2.0)
      System.Xml.ReaderWriter (>= 4.3.1) - restriction: || (&& (== net461) (>= netstandard2.0)) (== netcoreapp3.1) (== netstandard2.0)
      System.Xml.XDocument (>= 4.3) - restriction: || (&& (== net461) (>= netstandard2.0)) (== netcoreapp3.1) (== netstandard2.0)
      System.Xml.XmlDocument (>= 4.3) - restriction: || (&& (== net461) (>= net462)) (&& (== net461) (>= netstandard2.0)) (== netcoreapp3.1) (== netstandard2.0)
      System.Xml.XPath (>= 4.3) - restriction: || (&& (== net461) (>= net462)) (&& (== net461) (>= netstandard2.0)) (== netcoreapp3.1) (== netstandard2.0)
      System.Xml.XPath.XDocument (>= 4.3) - restriction: || (&& (== net461) (>= net462)) (&& (== net461) (>= netstandard2.0)) (== netcoreapp3.1) (== netstandard2.0)
      System.Xml.XPath.XmlDocument (>= 4.3) - restriction: || (&& (== net461) (>= net462)) (&& (== net461) (>= netstandard2.0)) (== netcoreapp3.1) (== netstandard2.0)
    Fake.Core.CommandLineParsing (5.19.1) - restriction: || (&& (== net461) (>= net462)) (&& (== net461) (>= netstandard2.0)) (== netcoreapp3.1) (== netstandard2.0)
      FParsec (>= 1.0.3) - restriction: || (&& (== net461) (>= net462)) (&& (== net461) (>= netstandard2.0)) (== netcoreapp3.1) (== netstandard2.0)
      FSharp.Core (>= 4.7) - restriction: || (&& (== net461) (>= net462)) (&& (== net461) (>= netstandard2.0)) (== netcoreapp3.1) (== netstandard2.0)
    Fake.Core.Context (5.19.1) - restriction: || (&& (== net461) (>= net462)) (&& (== net461) (>= netstandard2.0)) (== netcoreapp3.1) (== netstandard2.0)
      FSharp.Core (>= 4.7) - restriction: || (&& (== net461) (>= net462)) (&& (== net461) (>= netstandard2.0)) (== netcoreapp3.1) (== netstandard2.0)
    Fake.Core.Environment (5.19.1) - restriction: || (&& (== net461) (>= net462)) (&& (== net461) (>= netstandard2.0)) (== netcoreapp3.1) (== netstandard2.0)
      FSharp.Core (>= 4.7) - restriction: || (&& (== net461) (>= net462)) (&& (== net461) (>= netstandard2.0)) (== netcoreapp3.1) (== netstandard2.0)
    Fake.Core.FakeVar (5.19.1) - restriction: || (&& (== net461) (>= net462)) (&& (== net461) (>= netstandard2.0)) (== netcoreapp3.1) (== netstandard2.0)
      Fake.Core.Context (>= 5.19.1) - restriction: || (&& (== net461) (>= net462)) (&& (== net461) (>= netstandard2.0)) (== netcoreapp3.1) (== netstandard2.0)
      FSharp.Core (>= 4.7) - restriction: || (&& (== net461) (>= net462)) (&& (== net461) (>= netstandard2.0)) (== netcoreapp3.1) (== netstandard2.0)
    Fake.Core.Process (5.19.1) - restriction: || (&& (== net461) (>= net462)) (&& (== net461) (>= netstandard2.0)) (== netcoreapp3.1) (== netstandard2.0)
      Fake.Core.Environment (>= 5.19.1) - restriction: || (&& (== net461) (>= net462)) (&& (== net461) (>= netstandard2.0)) (== netcoreapp3.1) (== netstandard2.0)
      Fake.Core.FakeVar (>= 5.19.1) - restriction: || (&& (== net461) (>= net462)) (&& (== net461) (>= netstandard2.0)) (== netcoreapp3.1) (== netstandard2.0)
      Fake.Core.String (>= 5.19.1) - restriction: || (&& (== net461) (>= net462)) (&& (== net461) (>= netstandard2.0)) (== netcoreapp3.1) (== netstandard2.0)
      Fake.Core.Trace (>= 5.19.1) - restriction: || (&& (== net461) (>= net462)) (&& (== net461) (>= netstandard2.0)) (== netcoreapp3.1) (== netstandard2.0)
      Fake.IO.FileSystem (>= 5.19.1) - restriction: || (&& (== net461) (>= net462)) (&& (== net461) (>= netstandard2.0)) (== netcoreapp3.1) (== netstandard2.0)
      FSharp.Core (>= 4.7) - restriction: || (&& (== net461) (>= net462)) (&& (== net461) (>= netstandard2.0)) (== netcoreapp3.1) (== netstandard2.0)
      System.Diagnostics.Process (>= 4.3) - restriction: || (&& (== net461) (>= net462)) (&& (== net461) (>= netstandard2.0)) (== netcoreapp3.1) (== netstandard2.0)
    Fake.Core.ReleaseNotes (5.19.1)
      Fake.Core.SemVer (>= 5.19.1) - restriction: || (&& (== net461) (>= net462)) (&& (== net461) (>= netstandard2.0)) (== netcoreapp3.1) (== netstandard2.0)
      Fake.Core.String (>= 5.19.1) - restriction: || (&& (== net461) (>= net462)) (&& (== net461) (>= netstandard2.0)) (== netcoreapp3.1) (== netstandard2.0)
      FSharp.Core (>= 4.7) - restriction: || (&& (== net461) (>= net462)) (&& (== net461) (>= netstandard2.0)) (== netcoreapp3.1) (== netstandard2.0)
    Fake.Core.SemVer (5.19.1) - restriction: || (&& (== net461) (>= net462)) (&& (== net461) (>= netstandard2.0)) (== netcoreapp3.1) (== netstandard2.0)
      FSharp.Core (>= 4.7) - restriction: || (&& (== net461) (>= net462)) (&& (== net461) (>= netstandard2.0)) (== netcoreapp3.1) (== netstandard2.0)
      System.Runtime.Numerics (>= 4.3) - restriction: || (&& (== net461) (>= net462)) (&& (== net461) (>= netstandard2.0)) (== netcoreapp3.1) (== netstandard2.0)
    Fake.Core.String (5.19.1) - restriction: || (&& (== net461) (>= net462)) (&& (== net461) (>= netstandard2.0)) (== netcoreapp3.1) (== netstandard2.0)
      FSharp.Core (>= 4.7) - restriction: || (&& (== net461) (>= net462)) (&& (== net461) (>= netstandard2.0)) (== netcoreapp3.1) (== netstandard2.0)
    Fake.Core.Target (5.19.1)
      Fake.Core.CommandLineParsing (>= 5.19.1) - restriction: || (&& (== net461) (>= net462)) (&& (== net461) (>= netstandard2.0)) (== netcoreapp3.1) (== netstandard2.0)
      Fake.Core.Context (>= 5.19.1) - restriction: || (&& (== net461) (>= net462)) (&& (== net461) (>= netstandard2.0)) (== netcoreapp3.1) (== netstandard2.0)
      Fake.Core.Environment (>= 5.19.1) - restriction: || (&& (== net461) (>= net462)) (&& (== net461) (>= netstandard2.0)) (== netcoreapp3.1) (== netstandard2.0)
      Fake.Core.FakeVar (>= 5.19.1) - restriction: || (&& (== net461) (>= net462)) (&& (== net461) (>= netstandard2.0)) (== netcoreapp3.1) (== netstandard2.0)
      Fake.Core.Process (>= 5.19.1) - restriction: || (&& (== net461) (>= net462)) (&& (== net461) (>= netstandard2.0)) (== netcoreapp3.1) (== netstandard2.0)
      Fake.Core.String (>= 5.19.1) - restriction: || (&& (== net461) (>= net462)) (&& (== net461) (>= netstandard2.0)) (== netcoreapp3.1) (== netstandard2.0)
      Fake.Core.Trace (>= 5.19.1) - restriction: || (&& (== net461) (>= net462)) (&& (== net461) (>= netstandard2.0)) (== netcoreapp3.1) (== netstandard2.0)
      FSharp.Control.Reactive (>= 4.2) - restriction: || (&& (== net461) (>= net462)) (&& (== net461) (>= netstandard2.0)) (== netcoreapp3.1) (== netstandard2.0)
      FSharp.Core (>= 4.7) - restriction: || (&& (== net461) (>= net462)) (&& (== net461) (>= netstandard2.0)) (== netcoreapp3.1) (== netstandard2.0)
      System.Reactive.Compatibility (>= 4.3.1) - restriction: || (&& (== net461) (>= net462)) (&& (== net461) (>= netstandard2.0)) (== netcoreapp3.1) (== netstandard2.0)
    Fake.Core.Tasks (5.19.1) - restriction: || (&& (== net461) (>= net462)) (&& (== net461) (>= netstandard2.0)) (== netcoreapp3.1) (== netstandard2.0)
      Fake.Core.Trace (>= 5.19.1) - restriction: || (&& (== net461) (>= net462)) (&& (== net461) (>= netstandard2.0)) (== netcoreapp3.1) (== netstandard2.0)
      FSharp.Core (>= 4.7) - restriction: || (&& (== net461) (>= net462)) (&& (== net461) (>= netstandard2.0)) (== netcoreapp3.1) (== netstandard2.0)
    Fake.Core.Trace (5.19.1) - restriction: || (&& (== net461) (>= net462)) (&& (== net461) (>= netstandard2.0)) (== netcoreapp3.1) (== netstandard2.0)
      Fake.Core.Environment (>= 5.19.1) - restriction: || (&& (== net461) (>= net462)) (&& (== net461) (>= netstandard2.0)) (== netcoreapp3.1) (== netstandard2.0)
      Fake.Core.FakeVar (>= 5.19.1) - restriction: || (&& (== net461) (>= net462)) (&& (== net461) (>= netstandard2.0)) (== netcoreapp3.1) (== netstandard2.0)
      FSharp.Core (>= 4.7) - restriction: || (&& (== net461) (>= net462)) (&& (== net461) (>= netstandard2.0)) (== netcoreapp3.1) (== netstandard2.0)
    Fake.Core.Xml (5.19.1)
      Fake.Core.String (>= 5.19.1) - restriction: || (&& (== net461) (>= net462)) (&& (== net461) (>= netstandard2.0)) (== netcoreapp3.1) (== netstandard2.0)
      FSharp.Core (>= 4.7) - restriction: || (&& (== net461) (>= net462)) (&& (== net461) (>= netstandard2.0)) (== netcoreapp3.1) (== netstandard2.0)
      System.Xml.ReaderWriter (>= 4.3.1) - restriction: || (&& (== net461) (>= netstandard2.0)) (== netcoreapp3.1) (== netstandard2.0)
      System.Xml.XDocument (>= 4.3) - restriction: || (&& (== net461) (>= netstandard2.0)) (== netcoreapp3.1) (== netstandard2.0)
      System.Xml.XPath (>= 4.3) - restriction: || (&& (== net461) (>= net462)) (&& (== net461) (>= netstandard2.0)) (== netcoreapp3.1) (== netstandard2.0)
      System.Xml.XPath.XDocument (>= 4.3) - restriction: || (&& (== net461) (>= net462)) (&& (== net461) (>= netstandard2.0)) (== netcoreapp3.1) (== netstandard2.0)
      System.Xml.XPath.XmlDocument (>= 4.3) - restriction: || (&& (== net461) (>= net462)) (&& (== net461) (>= netstandard2.0)) (== netcoreapp3.1) (== netstandard2.0)
    Fake.DotNet.Cli (5.19.1)
      Fake.Core.Environment (>= 5.19.1) - restriction: || (&& (== net461) (>= net462)) (&& (== net461) (>= netstandard2.0)) (== netcoreapp3.1) (== netstandard2.0)
      Fake.Core.Process (>= 5.19.1) - restriction: || (&& (== net461) (>= net462)) (&& (== net461) (>= netstandard2.0)) (== netcoreapp3.1) (== netstandard2.0)
      Fake.Core.String (>= 5.19.1) - restriction: || (&& (== net461) (>= net462)) (&& (== net461) (>= netstandard2.0)) (== netcoreapp3.1) (== netstandard2.0)
      Fake.Core.Trace (>= 5.19.1) - restriction: || (&& (== net461) (>= net462)) (&& (== net461) (>= netstandard2.0)) (== netcoreapp3.1) (== netstandard2.0)
      Fake.DotNet.MSBuild (>= 5.19.1) - restriction: || (&& (== net461) (>= net462)) (&& (== net461) (>= netstandard2.0)) (== netcoreapp3.1) (== netstandard2.0)
      Fake.DotNet.NuGet (>= 5.19.1) - restriction: || (&& (== net461) (>= net462)) (&& (== net461) (>= netstandard2.0)) (== netcoreapp3.1) (== netstandard2.0)
      Fake.IO.FileSystem (>= 5.19.1) - restriction: || (&& (== net461) (>= net462)) (&& (== net461) (>= netstandard2.0)) (== netcoreapp3.1) (== netstandard2.0)
      FSharp.Core (>= 4.7) - restriction: || (&& (== net461) (>= net462)) (&& (== net461) (>= netstandard2.0)) (== netcoreapp3.1) (== netstandard2.0)
      Mono.Posix.NETStandard (>= 1.0) - restriction: || (&& (== net461) (>= net462)) (&& (== net461) (>= netstandard2.0)) (== netcoreapp3.1) (== netstandard2.0)
      Newtonsoft.Json (>= 12.0.3) - restriction: || (&& (== net461) (>= net462)) (&& (== net461) (>= netstandard2.0)) (== netcoreapp3.1) (== netstandard2.0)
    Fake.DotNet.MSBuild (5.19.1) - restriction: || (&& (== net461) (>= net462)) (&& (== net461) (>= netstandard2.0)) (== netcoreapp3.1) (== netstandard2.0)
      BlackFox.VsWhere (>= 1.0) - restriction: || (&& (== net461) (>= net462)) (&& (== net461) (>= netstandard2.0)) (== netcoreapp3.1) (== netstandard2.0)
      Fake.Core.Environment (>= 5.19.1) - restriction: || (&& (== net461) (>= net462)) (&& (== net461) (>= netstandard2.0)) (== netcoreapp3.1) (== netstandard2.0)
      Fake.Core.Process (>= 5.19.1) - restriction: || (&& (== net461) (>= net462)) (&& (== net461) (>= netstandard2.0)) (== netcoreapp3.1) (== netstandard2.0)
      Fake.Core.String (>= 5.19.1) - restriction: || (&& (== net461) (>= net462)) (&& (== net461) (>= netstandard2.0)) (== netcoreapp3.1) (== netstandard2.0)
      Fake.Core.Trace (>= 5.19.1) - restriction: || (&& (== net461) (>= net462)) (&& (== net461) (>= netstandard2.0)) (== netcoreapp3.1) (== netstandard2.0)
      Fake.IO.FileSystem (>= 5.19.1) - restriction: || (&& (== net461) (>= net462)) (&& (== net461) (>= netstandard2.0)) (== netcoreapp3.1) (== netstandard2.0)
      FSharp.Core (>= 4.7) - restriction: || (&& (== net461) (>= net462)) (&& (== net461) (>= netstandard2.0)) (== netcoreapp3.1) (== netstandard2.0)
      MSBuild.StructuredLogger (>= 2.0.152) - restriction: || (&& (== net461) (>= net462)) (&& (== net461) (>= netstandard2.0)) (== netcoreapp3.1) (== netstandard2.0)
    Fake.DotNet.NuGet (5.19.1) - restriction: || (&& (== net461) (>= net462)) (&& (== net461) (>= netstandard2.0)) (== netcoreapp3.1) (== netstandard2.0)
      Fake.Core.Environment (>= 5.19.1) - restriction: || (&& (== net461) (>= net462)) (&& (== net461) (>= netstandard2.0)) (== netcoreapp3.1) (== netstandard2.0)
      Fake.Core.Process (>= 5.19.1) - restriction: || (&& (== net461) (>= net462)) (&& (== net461) (>= netstandard2.0)) (== netcoreapp3.1) (== netstandard2.0)
      Fake.Core.SemVer (>= 5.19.1) - restriction: || (&& (== net461) (>= net462)) (&& (== net461) (>= netstandard2.0)) (== netcoreapp3.1) (== netstandard2.0)
      Fake.Core.String (>= 5.19.1) - restriction: || (&& (== net461) (>= net462)) (&& (== net461) (>= netstandard2.0)) (== netcoreapp3.1) (== netstandard2.0)
      Fake.Core.Tasks (>= 5.19.1) - restriction: || (&& (== net461) (>= net462)) (&& (== net461) (>= netstandard2.0)) (== netcoreapp3.1) (== netstandard2.0)
      Fake.Core.Trace (>= 5.19.1) - restriction: || (&& (== net461) (>= net462)) (&& (== net461) (>= netstandard2.0)) (== netcoreapp3.1) (== netstandard2.0)
      Fake.Core.Xml (>= 5.19.1) - restriction: || (&& (== net461) (>= net462)) (&& (== net461) (>= netstandard2.0)) (== netcoreapp3.1) (== netstandard2.0)
      Fake.IO.FileSystem (>= 5.19.1) - restriction: || (&& (== net461) (>= net462)) (&& (== net461) (>= netstandard2.0)) (== netcoreapp3.1) (== netstandard2.0)
      Fake.Net.Http (>= 5.19.1) - restriction: || (&& (== net461) (>= net462)) (&& (== net461) (>= netstandard2.0)) (== netcoreapp3.1) (== netstandard2.0)
      FSharp.Core (>= 4.7) - restriction: || (&& (== net461) (>= net462)) (&& (== net461) (>= netstandard2.0)) (== netcoreapp3.1) (== netstandard2.0)
      Newtonsoft.Json (>= 12.0.3) - restriction: || (&& (== net461) (>= net462)) (&& (== net461) (>= netstandard2.0)) (== netcoreapp3.1) (== netstandard2.0)
      NuGet.Protocol (>= 4.9.4) - restriction: || (&& (== net461) (>= net462)) (&& (== net461) (>= netstandard2.0)) (== netcoreapp3.1) (== netstandard2.0)
      System.Net.Http (>= 4.3.4) - restriction: || (&& (== net461) (>= net462)) (&& (== net461) (>= netstandard2.0)) (== netcoreapp3.1) (== netstandard2.0)
    Fake.DotNet.Paket (5.19.1)
      Fake.Core.Process (>= 5.19.1) - restriction: || (&& (== net461) (>= net462)) (&& (== net461) (>= netstandard2.0)) (== netcoreapp3.1) (== netstandard2.0)
      Fake.Core.String (>= 5.19.1) - restriction: || (&& (== net461) (>= net462)) (&& (== net461) (>= netstandard2.0)) (== netcoreapp3.1) (== netstandard2.0)
      Fake.Core.Trace (>= 5.19.1) - restriction: || (&& (== net461) (>= net462)) (&& (== net461) (>= netstandard2.0)) (== netcoreapp3.1) (== netstandard2.0)
      Fake.DotNet.Cli (>= 5.19.1) - restriction: || (&& (== net461) (>= net462)) (&& (== net461) (>= netstandard2.0)) (== netcoreapp3.1) (== netstandard2.0)
      Fake.IO.FileSystem (>= 5.19.1) - restriction: || (&& (== net461) (>= net462)) (&& (== net461) (>= netstandard2.0)) (== netcoreapp3.1) (== netstandard2.0)
      FSharp.Core (>= 4.7) - restriction: || (&& (== net461) (>= net462)) (&& (== net461) (>= netstandard2.0)) (== netcoreapp3.1) (== netstandard2.0)
    Fake.IO.FileSystem (5.19.1)
      Fake.Core.String (>= 5.19.1) - restriction: || (&& (== net461) (>= net462)) (&& (== net461) (>= netstandard2.0)) (== netcoreapp3.1) (== netstandard2.0)
      FSharp.Core (>= 4.7) - restriction: || (&& (== net461) (>= net462)) (&& (== net461) (>= netstandard2.0)) (== netcoreapp3.1) (== netstandard2.0)
      System.Diagnostics.FileVersionInfo (>= 4.3) - restriction: || (&& (== net461) (>= net462)) (&& (== net461) (>= netstandard2.0)) (== netcoreapp3.1) (== netstandard2.0)
      System.IO.FileSystem.Watcher (>= 4.3) - restriction: || (&& (== net461) (>= net462)) (&& (== net461) (>= netstandard2.0)) (== netcoreapp3.1) (== netstandard2.0)
    Fake.IO.Zip (5.19.1)
      Fake.Core.String (>= 5.19.1) - restriction: || (&& (== net461) (>= net462)) (&& (== net461) (>= netstandard2.0)) (== netcoreapp3.1) (== netstandard2.0)
      Fake.IO.FileSystem (>= 5.19.1) - restriction: || (&& (== net461) (>= net462)) (&& (== net461) (>= netstandard2.0)) (== netcoreapp3.1) (== netstandard2.0)
      FSharp.Core (>= 4.7) - restriction: || (&& (== net461) (>= net462)) (&& (== net461) (>= netstandard2.0)) (== netcoreapp3.1) (== netstandard2.0)
      System.IO.Compression (>= 4.3) - restriction: || (&& (== net461) (>= net462)) (&& (== net461) (>= netstandard2.0)) (== netcoreapp3.1) (== netstandard2.0)
      System.IO.Compression.ZipFile (>= 4.3) - restriction: || (&& (== net461) (>= net462)) (&& (== net461) (>= netstandard2.0)) (== netcoreapp3.1) (== netstandard2.0)
    Fake.Net.Http (5.19.1) - restriction: || (&& (== net461) (>= net462)) (&& (== net461) (>= netstandard2.0)) (== netcoreapp3.1) (== netstandard2.0)
      Fake.Core.Trace (>= 5.19.1) - restriction: || (&& (== net461) (>= net462)) (&& (== net461) (>= netstandard2.0)) (== netcoreapp3.1) (== netstandard2.0)
      FSharp.Core (>= 4.7) - restriction: || (&& (== net461) (>= net462)) (&& (== net461) (>= netstandard2.0)) (== netcoreapp3.1) (== netstandard2.0)
      System.Net.Http (>= 4.3.4) - restriction: || (&& (== net461) (>= net462)) (&& (== net461) (>= netstandard2.0)) (== netcoreapp3.1) (== netstandard2.0)
    Fake.Tools.Git (5.19.1)
      Fake.Core.Environment (>= 5.19.1) - restriction: || (&& (== net461) (>= net462)) (&& (== net461) (>= netstandard2.0)) (== netcoreapp3.1) (== netstandard2.0)
      Fake.Core.Process (>= 5.19.1) - restriction: || (&& (== net461) (>= net462)) (&& (== net461) (>= netstandard2.0)) (== netcoreapp3.1) (== netstandard2.0)
      Fake.Core.SemVer (>= 5.19.1) - restriction: || (&& (== net461) (>= net462)) (&& (== net461) (>= netstandard2.0)) (== netcoreapp3.1) (== netstandard2.0)
      Fake.Core.String (>= 5.19.1) - restriction: || (&& (== net461) (>= net462)) (&& (== net461) (>= netstandard2.0)) (== netcoreapp3.1) (== netstandard2.0)
      Fake.Core.Trace (>= 5.19.1) - restriction: || (&& (== net461) (>= net462)) (&& (== net461) (>= netstandard2.0)) (== netcoreapp3.1) (== netstandard2.0)
      Fake.IO.FileSystem (>= 5.19.1) - restriction: || (&& (== net461) (>= net462)) (&& (== net461) (>= netstandard2.0)) (== netcoreapp3.1) (== netstandard2.0)
      FSharp.Core (>= 4.7) - restriction: || (&& (== net461) (>= net462)) (&& (== net461) (>= netstandard2.0)) (== netcoreapp3.1) (== netstandard2.0)
    Fake.Tools.Octo (5.19.1)
      Fake.Core.Environment (>= 5.19.1) - restriction: || (&& (== net461) (>= net462)) (&& (== net461) (>= netstandard2.0)) (== netcoreapp3.1) (== netstandard2.0)
      Fake.Core.Process (>= 5.19.1) - restriction: || (&& (== net461) (>= net462)) (&& (== net461) (>= netstandard2.0)) (== netcoreapp3.1) (== netstandard2.0)
      Fake.IO.FileSystem (>= 5.19.1) - restriction: || (&& (== net461) (>= net462)) (&& (== net461) (>= netstandard2.0)) (== netcoreapp3.1) (== netstandard2.0)
      FSharp.Core (>= 4.7) - restriction: || (&& (== net461) (>= net462)) (&& (== net461) (>= netstandard2.0)) (== netcoreapp3.1) (== netstandard2.0)
    FParsec (1.1.1) - restriction: || (&& (== net461) (>= net462)) (&& (== net461) (>= netstandard2.0)) (== netcoreapp3.1) (== netstandard2.0)
      FSharp.Core (>= 4.3.4)
    FSharp.Control.Reactive (4.2) - restriction: || (&& (== net461) (>= net462)) (&& (== net461) (>= netstandard2.0)) (== netcoreapp3.1) (== netstandard2.0)
      FSharp.Core (>= 4.2.3)
      System.Reactive (>= 4.0)
    FSharp.Core (4.7.1)
    Microsoft.Build (16.5) - restriction: || (&& (== net461) (< net46) (>= netstandard2.0)) (== netcoreapp3.1) (== netstandard2.0)
      Microsoft.Build.Framework (>= 16.5) - restriction: || (&& (== net461) (>= net472)) (&& (== net461) (>= netcoreapp2.1)) (== netcoreapp3.1) (&& (== netstandard2.0) (>= net472)) (&& (== netstandard2.0) (>= netcoreapp2.1))
      Microsoft.Win32.Registry (>= 4.3) - restriction: || (&& (== net461) (>= netcoreapp2.1)) (== netcoreapp3.1) (&& (== netstandard2.0) (>= netcoreapp2.1))
      System.Collections.Immutable (>= 1.5) - restriction: || (&& (== net461) (>= net472)) (&& (== net461) (>= netcoreapp2.1)) (== netcoreapp3.1) (&& (== netstandard2.0) (>= net472)) (&& (== netstandard2.0) (>= netcoreapp2.1))
      System.Diagnostics.TraceSource (>= 4.0) - restriction: || (&& (== net461) (>= netcoreapp2.1)) (== netcoreapp3.1) (&& (== netstandard2.0) (>= netcoreapp2.1))
      System.Memory (>= 4.5.3) - restriction: || (&& (== net461) (>= net472)) (&& (== net461) (>= netcoreapp2.1)) (== netcoreapp3.1) (&& (== netstandard2.0) (>= net472)) (&& (== netstandard2.0) (>= netcoreapp2.1))
      System.Reflection.Metadata (>= 1.6) - restriction: || (&& (== net461) (>= netcoreapp2.1)) (== netcoreapp3.1) (&& (== netstandard2.0) (>= netcoreapp2.1))
      System.Reflection.TypeExtensions (>= 4.1) - restriction: || (&& (== net461) (>= netcoreapp2.1)) (== netcoreapp3.1) (&& (== netstandard2.0) (>= netcoreapp2.1))
      System.Runtime.Loader (>= 4.0) - restriction: || (&& (== net461) (>= netcoreapp2.1)) (== netcoreapp3.1) (&& (== netstandard2.0) (>= netcoreapp2.1))
      System.Security.Principal.Windows (>= 4.3) - restriction: || (&& (== net461) (>= netcoreapp2.1)) (== netcoreapp3.1) (&& (== netstandard2.0) (>= netcoreapp2.1))
      System.Text.Encoding.CodePages (>= 4.0.1) - restriction: || (&& (== net461) (>= netcoreapp2.1)) (== netcoreapp3.1) (&& (== netstandard2.0) (>= netcoreapp2.1))
      System.Threading.Tasks.Dataflow (>= 4.9) - restriction: || (&& (== net461) (>= net472)) (&& (== net461) (>= netcoreapp2.1)) (== netcoreapp3.1) (&& (== netstandard2.0) (>= net472)) (&& (== netstandard2.0) (>= netcoreapp2.1))
    Microsoft.Build.Framework (16.5) - restriction: || (&& (== net461) (< net46) (>= net472)) (&& (== net461) (< net46) (>= netstandard2.0)) (&& (== net461) (>= netcoreapp2.1)) (== netcoreapp3.1) (== netstandard2.0)
      System.Runtime.Serialization.Primitives (>= 4.1.1) - restriction: || (&& (== net461) (>= netstandard2.0)) (== netcoreapp3.1) (== netstandard2.0)
      System.Threading.Thread (>= 4.0) - restriction: || (&& (== net461) (>= netstandard2.0)) (== netcoreapp3.1) (== netstandard2.0)
    Microsoft.Build.Tasks.Core (16.5) - restriction: || (&& (== net461) (< net46) (>= netstandard2.0)) (== netcoreapp3.1) (== netstandard2.0)
      Microsoft.Build.Framework (>= 16.5) - restriction: || (&& (== net461) (>= netstandard2.0)) (== netcoreapp3.1) (== netstandard2.0)
      Microsoft.Build.Utilities.Core (>= 16.5) - restriction: || (&& (== net461) (>= netstandard2.0)) (== netcoreapp3.1) (== netstandard2.0)
      Microsoft.Win32.Registry (>= 4.3) - restriction: || (&& (== net461) (>= netstandard2.0)) (== netcoreapp3.1) (== netstandard2.0)
      System.CodeDom (>= 4.4) - restriction: || (&& (== net461) (>= netstandard2.0)) (== netcoreapp3.1) (== netstandard2.0)
      System.Collections.Immutable (>= 1.5) - restriction: || (&& (== net461) (>= netstandard2.0)) (== netcoreapp3.1) (== netstandard2.0)
      System.Linq.Parallel (>= 4.0.1) - restriction: || (&& (== net461) (>= netstandard2.0)) (== netcoreapp3.1) (== netstandard2.0)
      System.Net.Http (>= 4.3.4) - restriction: || (&& (== net461) (>= netstandard2.0)) (== netcoreapp3.1) (== netstandard2.0)
      System.Reflection.Metadata (>= 1.6) - restriction: || (&& (== net461) (>= netstandard2.0)) (== netcoreapp3.1) (== netstandard2.0)
      System.Reflection.TypeExtensions (>= 4.1) - restriction: || (&& (== net461) (>= netstandard2.0)) (== netcoreapp3.1) (== netstandard2.0)
      System.Resources.Extensions (>= 4.6) - restriction: || (&& (== net461) (>= netstandard2.0)) (== netcoreapp3.1) (== netstandard2.0)
      System.Resources.Writer (>= 4.0) - restriction: || (&& (== net461) (>= netstandard2.0)) (== netcoreapp3.1) (== netstandard2.0)
      System.Threading.Tasks.Dataflow (>= 4.9) - restriction: || (&& (== net461) (>= netstandard2.0)) (== netcoreapp3.1) (== netstandard2.0)
    Microsoft.Build.Utilities.Core (16.5) - restriction: || (&& (== net461) (< net46) (>= netstandard2.0)) (== netcoreapp3.1) (== netstandard2.0)
      Microsoft.Build.Framework (>= 16.5) - restriction: || (&& (== net461) (>= netstandard2.0)) (== netcoreapp3.1) (== netstandard2.0)
      Microsoft.Win32.Registry (>= 4.3) - restriction: || (&& (== net461) (>= netstandard2.0)) (== netcoreapp3.1) (== netstandard2.0)
      System.Collections.Immutable (>= 1.5) - restriction: || (&& (== net461) (>= netstandard2.0)) (== netcoreapp3.1) (== netstandard2.0)
      System.Text.Encoding.CodePages (>= 4.0.1) - restriction: || (&& (== net461) (>= netstandard2.0)) (== netcoreapp3.1) (== netstandard2.0)
    Microsoft.NETCore.Platforms (3.1) - restriction: || (&& (== net461) (< net45) (>= net462)) (&& (== net461) (< net45) (>= netstandard2.0)) (&& (== net461) (>= netcoreapp2.0)) (== netcoreapp3.1) (== netstandard2.0)
    Microsoft.NETCore.Targets (3.1) - restriction: || (&& (== net461) (< net45) (>= net462)) (&& (== net461) (< net45) (>= netstandard2.0)) (== netcoreapp3.1) (== netstandard2.0)
    Microsoft.Win32.Primitives (4.3) - restriction: || (&& (== net461) (< net46) (>= net462)) (&& (== net461) (< net46) (>= netstandard2.0)) (== netcoreapp3.1) (== netstandard2.0)
      Microsoft.NETCore.Platforms (>= 1.1) - restriction: || (&& (== net461) (< net46)) (== netcoreapp3.1) (== netstandard2.0)
      Microsoft.NETCore.Targets (>= 1.1) - restriction: || (&& (== net461) (< net46)) (== netcoreapp3.1) (== netstandard2.0)
      System.Runtime (>= 4.3) - restriction: || (&& (== net461) (< net46)) (== netcoreapp3.1) (== netstandard2.0)
    Microsoft.Win32.Registry (4.7) - restriction: || (&& (== net461) (< net46) (>= net462)) (&& (== net461) (< net46) (>= netstandard2.0)) (&& (== net461) (>= netcoreapp2.1)) (== netcoreapp3.1) (== netstandard2.0)
      System.Buffers (>= 4.5) - restriction: || (&& (== net461) (>= monoandroid)) (&& (== net461) (>= monotouch)) (&& (== net461) (< net46) (>= netstandard2.0)) (&& (== net461) (>= xamarinios)) (&& (== net461) (>= xamarinmac)) (&& (== net461) (>= xamarintvos)) (&& (== net461) (>= xamarinwatchos)) (&& (== netcoreapp3.1) (>= monoandroid) (< netstandard2.0)) (&& (== netcoreapp3.1) (>= monotouch)) (&& (== netcoreapp3.1) (< netcoreapp2.0)) (&& (== netcoreapp3.1) (>= xamarinios)) (&& (== netcoreapp3.1) (>= xamarinmac)) (&& (== netcoreapp3.1) (>= xamarintvos)) (&& (== netcoreapp3.1) (>= xamarinwatchos)) (== netstandard2.0)
      System.Memory (>= 4.5.3) - restriction: || (&& (== net461) (< net46) (>= netstandard2.0)) (&& (== net461) (>= netcoreapp2.0)) (&& (== net461) (>= uap10.1)) (&& (== netcoreapp3.1) (< netcoreapp2.0)) (&& (== netcoreapp3.1) (< netcoreapp2.1)) (&& (== netcoreapp3.1) (>= uap10.1)) (== netstandard2.0)
      System.Security.AccessControl (>= 4.7)
      System.Security.Principal.Windows (>= 4.7)
    Mono.Posix.NETStandard (1.0) - restriction: || (&& (== net461) (>= net462)) (&& (== net461) (>= netstandard2.0)) (== netcoreapp3.1) (== netstandard2.0)
    MSBuild.StructuredLogger (2.0.174) - restriction: || (&& (== net461) (>= net462)) (&& (== net461) (>= netstandard2.0)) (== netcoreapp3.1) (== netstandard2.0)
      Microsoft.Build (>= 15.8.166) - restriction: || (&& (== net461) (< net46) (>= netstandard2.0)) (== netcoreapp3.1) (== netstandard2.0)
      Microsoft.Build.Framework (>= 15.8.166) - restriction: || (&& (== net461) (< net46) (>= netstandard2.0)) (== netcoreapp3.1) (== netstandard2.0)
      Microsoft.Build.Tasks.Core (>= 15.8.166) - restriction: || (&& (== net461) (< net46) (>= netstandard2.0)) (== netcoreapp3.1) (== netstandard2.0)
      Microsoft.Build.Utilities.Core (>= 15.8.166) - restriction: || (&& (== net461) (< net46) (>= netstandard2.0)) (== netcoreapp3.1) (== netstandard2.0)
    Newtonsoft.Json (12.0.3) - restriction: || (&& (== net461) (>= net462)) (&& (== net461) (>= netstandard2.0)) (== netcoreapp3.1) (== netstandard2.0)
    NuGet.Common (5.5) - restriction: || (&& (== net461) (>= netstandard2.0)) (== netcoreapp3.1) (== netstandard2.0)
      NuGet.Frameworks (>= 5.5) - restriction: || (&& (== net461) (>= netstandard2.0)) (== netcoreapp3.1) (== netstandard2.0)
      System.Diagnostics.Process (>= 4.3) - restriction: || (&& (== net461) (>= netstandard2.0)) (== netcoreapp3.1) (== netstandard2.0)
      System.Threading.Thread (>= 4.3) - restriction: || (&& (== net461) (>= netstandard2.0)) (== netcoreapp3.1) (== netstandard2.0)
    NuGet.Configuration (5.5) - restriction: || (&& (== net461) (>= netstandard2.0)) (== netcoreapp3.1) (== netstandard2.0)
      NuGet.Common (>= 5.5) - restriction: || (&& (== net461) (>= netstandard2.0)) (== netcoreapp3.1) (== netstandard2.0)
      System.Security.Cryptography.ProtectedData (>= 4.3) - restriction: || (&& (== net461) (>= netstandard2.0)) (== netcoreapp3.1) (== netstandard2.0)
    NuGet.Frameworks (5.5) - restriction: || (&& (== net461) (>= netstandard2.0)) (== netcoreapp3.1) (== netstandard2.0)
    NuGet.Packaging (5.5) - restriction: || (&& (== net461) (>= netstandard2.0)) (== netcoreapp3.1) (== netstandard2.0)
      Newtonsoft.Json (>= 9.0.1) - restriction: || (&& (== net461) (>= netstandard2.0)) (== netcoreapp3.1) (== netstandard2.0)
      NuGet.Configuration (>= 5.5) - restriction: || (&& (== net461) (>= netstandard2.0)) (== netcoreapp3.1) (== netstandard2.0)
      NuGet.Versioning (>= 5.5) - restriction: || (&& (== net461) (>= netstandard2.0)) (== netcoreapp3.1) (== netstandard2.0)
      System.Dynamic.Runtime (>= 4.3) - restriction: || (&& (== net461) (>= netstandard2.0)) (== netcoreapp3.1) (== netstandard2.0)
    NuGet.Protocol (5.5) - restriction: || (&& (== net461) (>= net462)) (&& (== net461) (>= netstandard2.0)) (== netcoreapp3.1) (== netstandard2.0)
      NuGet.Packaging (>= 5.5) - restriction: || (&& (== net461) (>= netstandard2.0)) (== netcoreapp3.1) (== netstandard2.0)
      System.Dynamic.Runtime (>= 4.3) - restriction: || (&& (== net461) (>= netstandard2.0)) (== netcoreapp3.1) (== netstandard2.0)
    NuGet.Versioning (5.5) - restriction: || (&& (== net461) (>= netstandard2.0)) (== netcoreapp3.1) (== netstandard2.0)
    Octokit (0.45) - restriction: || (&& (== net461) (>= net462)) (&& (== net461) (>= netstandard2.0)) (== netcoreapp3.1) (== netstandard2.0)
    runtime.debian.8-x64.runtime.native.System.Security.Cryptography.OpenSsl (4.3.3) - restriction: || (&& (== net461) (< net45) (>= net462) (>= netstandard1.6)) (&& (== net461) (< net45) (>= netstandard2.0)) (== netcoreapp3.1) (== netstandard2.0)
    runtime.debian.9-x64.runtime.native.System.Security.Cryptography.OpenSsl (4.3.3) - restriction: || (&& (== net461) (< net45) (>= net462) (>= netstandard1.6)) (&& (== net461) (< net45) (>= netstandard2.0)) (== netcoreapp3.1) (== netstandard2.0)
    runtime.fedora.23-x64.runtime.native.System.Security.Cryptography.OpenSsl (4.3.3) - restriction: || (&& (== net461) (< net45) (>= net462) (>= netstandard1.6)) (&& (== net461) (< net45) (>= netstandard2.0)) (== netcoreapp3.1) (== netstandard2.0)
    runtime.fedora.24-x64.runtime.native.System.Security.Cryptography.OpenSsl (4.3.3) - restriction: || (&& (== net461) (< net45) (>= net462) (>= netstandard1.6)) (&& (== net461) (< net45) (>= netstandard2.0)) (== netcoreapp3.1) (== netstandard2.0)
    runtime.fedora.27-x64.runtime.native.System.Security.Cryptography.OpenSsl (4.3.3) - restriction: || (&& (== net461) (< net45) (>= net462) (>= netstandard1.6)) (&& (== net461) (< net45) (>= netstandard2.0)) (== netcoreapp3.1) (== netstandard2.0)
    runtime.fedora.28-x64.runtime.native.System.Security.Cryptography.OpenSsl (4.3.3) - restriction: || (&& (== net461) (< net45) (>= net462) (>= netstandard1.6)) (&& (== net461) (< net45) (>= netstandard2.0)) (== netcoreapp3.1) (== netstandard2.0)
    runtime.native.System (4.3.1) - restriction: || (&& (== net461) (< net45) (>= net462) (>= netstandard1.6)) (&& (== net461) (< net45) (>= netstandard2.0)) (&& (== net461) (>= netcoreapp2.1)) (== netcoreapp3.1) (== netstandard2.0)
      Microsoft.NETCore.Platforms (>= 1.1.1)
      Microsoft.NETCore.Targets (>= 1.1.3)
    runtime.native.System.IO.Compression (4.3.2) - restriction: || (&& (== net461) (< net45) (>= net462)) (&& (== net461) (< net45) (>= netstandard2.0)) (== netcoreapp3.1) (== netstandard2.0)
      Microsoft.NETCore.Platforms (>= 1.1.1)
      Microsoft.NETCore.Targets (>= 1.1.3)
    runtime.native.System.Net.Http (4.3.1) - restriction: || (&& (== net461) (< net45) (>= net462) (>= netstandard1.6)) (&& (== net461) (< net45) (>= netstandard2.0)) (== netcoreapp3.1) (== netstandard2.0)
      Microsoft.NETCore.Platforms (>= 1.1.1)
      Microsoft.NETCore.Targets (>= 1.1.3)
    runtime.native.System.Security.Cryptography.Apple (4.3.1) - restriction: || (&& (== net461) (< net45) (>= net462) (>= netstandard1.6)) (&& (== net461) (< net45) (>= netstandard2.0)) (== netcoreapp3.1) (== netstandard2.0)
      runtime.osx.10.10-x64.runtime.native.System.Security.Cryptography.Apple (>= 4.3.1)
    runtime.native.System.Security.Cryptography.OpenSsl (4.3.3) - restriction: || (&& (== net461) (< net45) (>= net462) (>= netstandard1.6)) (&& (== net461) (< net45) (>= netstandard2.0)) (== netcoreapp3.1) (== netstandard2.0)
      runtime.debian.8-x64.runtime.native.System.Security.Cryptography.OpenSsl (>= 4.3.3)
      runtime.debian.9-x64.runtime.native.System.Security.Cryptography.OpenSsl (>= 4.3.3)
      runtime.fedora.23-x64.runtime.native.System.Security.Cryptography.OpenSsl (>= 4.3.3)
      runtime.fedora.24-x64.runtime.native.System.Security.Cryptography.OpenSsl (>= 4.3.3)
      runtime.fedora.27-x64.runtime.native.System.Security.Cryptography.OpenSsl (>= 4.3.3)
      runtime.fedora.28-x64.runtime.native.System.Security.Cryptography.OpenSsl (>= 4.3.3)
      runtime.opensuse.13.2-x64.runtime.native.System.Security.Cryptography.OpenSsl (>= 4.3.3)
      runtime.opensuse.42.1-x64.runtime.native.System.Security.Cryptography.OpenSsl (>= 4.3.3)
      runtime.opensuse.42.3-x64.runtime.native.System.Security.Cryptography.OpenSsl (>= 4.3.3)
      runtime.osx.10.10-x64.runtime.native.System.Security.Cryptography.OpenSsl (>= 4.3.3)
      runtime.rhel.7-x64.runtime.native.System.Security.Cryptography.OpenSsl (>= 4.3.3)
      runtime.ubuntu.14.04-x64.runtime.native.System.Security.Cryptography.OpenSsl (>= 4.3.3)
      runtime.ubuntu.16.04-x64.runtime.native.System.Security.Cryptography.OpenSsl (>= 4.3.3)
      runtime.ubuntu.16.10-x64.runtime.native.System.Security.Cryptography.OpenSsl (>= 4.3.3)
      runtime.ubuntu.18.04-x64.runtime.native.System.Security.Cryptography.OpenSsl (>= 4.3.3)
    runtime.opensuse.13.2-x64.runtime.native.System.Security.Cryptography.OpenSsl (4.3.3) - restriction: || (&& (== net461) (< net45) (>= net462) (>= netstandard1.6)) (&& (== net461) (< net45) (>= netstandard2.0)) (== netcoreapp3.1) (== netstandard2.0)
    runtime.opensuse.42.1-x64.runtime.native.System.Security.Cryptography.OpenSsl (4.3.3) - restriction: || (&& (== net461) (< net45) (>= net462) (>= netstandard1.6)) (&& (== net461) (< net45) (>= netstandard2.0)) (== netcoreapp3.1) (== netstandard2.0)
    runtime.opensuse.42.3-x64.runtime.native.System.Security.Cryptography.OpenSsl (4.3.3) - restriction: || (&& (== net461) (< net45) (>= net462) (>= netstandard1.6)) (&& (== net461) (< net45) (>= netstandard2.0)) (== netcoreapp3.1) (== netstandard2.0)
    runtime.osx.10.10-x64.runtime.native.System.Security.Cryptography.Apple (4.3.1) - restriction: || (&& (== net461) (< net45) (>= net462) (>= netstandard1.6)) (&& (== net461) (< net45) (>= netstandard2.0)) (== netcoreapp3.1) (== netstandard2.0)
    runtime.osx.10.10-x64.runtime.native.System.Security.Cryptography.OpenSsl (4.3.3) - restriction: || (&& (== net461) (< net45) (>= net462) (>= netstandard1.6)) (&& (== net461) (< net45) (>= netstandard2.0)) (== netcoreapp3.1) (== netstandard2.0)
    runtime.rhel.7-x64.runtime.native.System.Security.Cryptography.OpenSsl (4.3.3) - restriction: || (&& (== net461) (< net45) (>= net462) (>= netstandard1.6)) (&& (== net461) (< net45) (>= netstandard2.0)) (== netcoreapp3.1) (== netstandard2.0)
    runtime.ubuntu.14.04-x64.runtime.native.System.Security.Cryptography.OpenSsl (4.3.3) - restriction: || (&& (== net461) (< net45) (>= net462) (>= netstandard1.6)) (&& (== net461) (< net45) (>= netstandard2.0)) (== netcoreapp3.1) (== netstandard2.0)
    runtime.ubuntu.16.04-x64.runtime.native.System.Security.Cryptography.OpenSsl (4.3.3) - restriction: || (&& (== net461) (< net45) (>= net462) (>= netstandard1.6)) (&& (== net461) (< net45) (>= netstandard2.0)) (== netcoreapp3.1) (== netstandard2.0)
    runtime.ubuntu.16.10-x64.runtime.native.System.Security.Cryptography.OpenSsl (4.3.3) - restriction: || (&& (== net461) (< net45) (>= net462) (>= netstandard1.6)) (&& (== net461) (< net45) (>= netstandard2.0)) (== netcoreapp3.1) (== netstandard2.0)
    runtime.ubuntu.18.04-x64.runtime.native.System.Security.Cryptography.OpenSsl (4.3.3) - restriction: || (&& (== net461) (< net45) (>= net462) (>= netstandard1.6)) (&& (== net461) (< net45) (>= netstandard2.0)) (== netcoreapp3.1) (== netstandard2.0)
    System.Buffers (4.5.1) - restriction: || (&& (== net461) (>= monoandroid) (>= netstandard2.0)) (&& (== net461) (>= monotouch) (>= netstandard2.0)) (&& (== net461) (< net45) (>= net462)) (&& (== net461) (< net45) (>= netstandard2.0)) (&& (== net461) (< net46) (>= netstandard2.0)) (&& (== net461) (>= net462) (>= uap10.1)) (&& (== net461) (>= netcoreapp2.0)) (&& (== net461) (< netstandard1.1) (>= netstandard2.0)) (&& (== net461) (>= netstandard2.0) (>= uap10.1)) (&& (== net461) (>= netstandard2.0) (>= wpa81)) (&& (== net461) (>= netstandard2.0) (>= xamarintvos)) (&& (== net461) (>= netstandard2.0) (>= xamarinwatchos)) (&& (== net461) (>= xamarinios)) (&& (== net461) (>= xamarinmac)) (== netcoreapp3.1) (== netstandard2.0)
    System.CodeDom (4.7) - restriction: || (&& (== net461) (< net46) (>= netstandard2.0)) (== netcoreapp3.1) (== netstandard2.0)
    System.Collections (4.3) - restriction: || (&& (== net461) (< net45) (>= net462)) (&& (== net461) (< net45) (>= netstandard2.0)) (&& (== net461) (>= netcoreapp2.1)) (== netcoreapp3.1) (== netstandard2.0)
      Microsoft.NETCore.Platforms (>= 1.1) - restriction: || (&& (== net461) (< net45)) (== netcoreapp3.1) (== netstandard2.0)
      Microsoft.NETCore.Targets (>= 1.1) - restriction: || (&& (== net461) (< net45)) (== netcoreapp3.1) (== netstandard2.0)
      System.Runtime (>= 4.3) - restriction: || (&& (== net461) (< net45)) (== netcoreapp3.1) (== netstandard2.0)
    System.Collections.Concurrent (4.3) - restriction: || (&& (== net461) (< net45) (>= net462)) (&& (== net461) (< net45) (>= netstandard2.0)) (== netcoreapp3.1) (== netstandard2.0)
      System.Collections (>= 4.3) - restriction: || (&& (== net461) (< net45)) (== netcoreapp3.1) (== netstandard2.0)
      System.Diagnostics.Debug (>= 4.3) - restriction: || (&& (== net461) (< net45)) (== netcoreapp3.1) (== netstandard2.0)
      System.Diagnostics.Tracing (>= 4.3) - restriction: || (&& (== net461) (< net45)) (== netcoreapp3.1) (== netstandard2.0)
      System.Globalization (>= 4.3) - restriction: || (&& (== net461) (< net45)) (== netcoreapp3.1) (== netstandard2.0)
      System.Reflection (>= 4.3) - restriction: || (&& (== net461) (< net45)) (== netcoreapp3.1) (== netstandard2.0)
      System.Resources.ResourceManager (>= 4.3) - restriction: || (&& (== net461) (< net45)) (== netcoreapp3.1) (== netstandard2.0)
      System.Runtime (>= 4.3) - restriction: || (&& (== net461) (< net45)) (== netcoreapp3.1) (== netstandard2.0)
      System.Runtime.Extensions (>= 4.3) - restriction: || (&& (== net461) (< net45)) (== netcoreapp3.1) (== netstandard2.0)
      System.Threading (>= 4.3) - restriction: || (&& (== net461) (< net45)) (== netcoreapp3.1) (== netstandard2.0)
      System.Threading.Tasks (>= 4.3) - restriction: || (&& (== net461) (< net45)) (== netcoreapp3.1) (== netstandard2.0)
    System.Collections.Immutable (1.7) - restriction: || (&& (== net461) (< net46) (>= net462)) (&& (== net461) (< net46) (>= net472)) (&& (== net461) (< net46) (>= netstandard2.0)) (&& (== net461) (>= net462) (< netstandard1.1)) (&& (== net461) (>= net462) (>= wpa81)) (&& (== net461) (>= netcoreapp2.1)) (&& (== net461) (< netstandard1.1) (>= netstandard2.0)) (&& (== net461) (>= netstandard2.0) (>= wpa81)) (== netcoreapp3.1) (== netstandard2.0)
      System.Memory (>= 4.5.3) - restriction: || (== net461) (&& (== netcoreapp3.1) (>= net46)) (&& (== netcoreapp3.1) (< netcoreapp2.1)) (&& (== netcoreapp3.1) (< netstandard2.0)) (&& (== netcoreapp3.1) (>= uap10.1)) (== netstandard2.0)
    System.Diagnostics.Debug (4.3) - restriction: || (&& (== net461) (< net45) (>= net462)) (&& (== net461) (< net45) (>= netstandard2.0)) (&& (== net461) (>= netcoreapp2.1)) (== netcoreapp3.1) (== netstandard2.0)
      Microsoft.NETCore.Platforms (>= 1.1) - restriction: || (&& (== net461) (< net45)) (== netcoreapp3.1) (== netstandard2.0)
      Microsoft.NETCore.Targets (>= 1.1) - restriction: || (&& (== net461) (< net45)) (== netcoreapp3.1) (== netstandard2.0)
      System.Runtime (>= 4.3) - restriction: || (&& (== net461) (< net45)) (== netcoreapp3.1) (== netstandard2.0)
    System.Diagnostics.DiagnosticSource (4.7) - restriction: || (&& (== net461) (< net45) (>= net462)) (&& (== net461) (< net45) (>= netstandard2.0)) (== netcoreapp3.1) (== netstandard2.0)
      System.Memory (>= 4.5.3) - restriction: || (== net461) (&& (== netcoreapp3.1) (>= net45) (< netstandard1.3)) (&& (== netcoreapp3.1) (>= net46)) (&& (== netcoreapp3.1) (< netcoreapp2.1)) (&& (== netcoreapp3.1) (< netstandard2.0)) (&& (== netcoreapp3.1) (>= uap10.1)) (== netstandard2.0)
    System.Diagnostics.FileVersionInfo (4.3) - restriction: || (&& (== net461) (>= net462)) (&& (== net461) (>= netstandard2.0)) (== netcoreapp3.1) (== netstandard2.0)
      Microsoft.NETCore.Platforms (>= 1.1) - restriction: || (&& (== net461) (< net46)) (== netcoreapp3.1) (== netstandard2.0)
      System.Globalization (>= 4.3) - restriction: || (&& (== net461) (< net46)) (== netcoreapp3.1) (== netstandard2.0)
      System.IO (>= 4.3) - restriction: || (&& (== net461) (< net46)) (== netcoreapp3.1) (== netstandard2.0)
      System.IO.FileSystem (>= 4.3) - restriction: || (&& (== net461) (< net46)) (== netcoreapp3.1) (== netstandard2.0)
      System.IO.FileSystem.Primitives (>= 4.3) - restriction: || (&& (== net461) (< net46)) (== netcoreapp3.1) (== netstandard2.0)
      System.Reflection.Metadata (>= 1.4.1) - restriction: || (&& (== net461) (< net46)) (== netcoreapp3.1) (== netstandard2.0)
      System.Runtime (>= 4.3) - restriction: || (&& (== net461) (< net46)) (== netcoreapp3.1) (== netstandard2.0)
      System.Runtime.Extensions (>= 4.3) - restriction: || (&& (== net461) (< net46)) (== netcoreapp3.1) (== netstandard2.0)
      System.Runtime.InteropServices (>= 4.3) - restriction: || (&& (== net461) (< net46)) (== netcoreapp3.1) (== netstandard2.0)
    System.Diagnostics.Process (4.3) - restriction: || (&& (== net461) (>= net462)) (&& (== net461) (>= netstandard2.0)) (== netcoreapp3.1) (== netstandard2.0)
      Microsoft.NETCore.Platforms (>= 1.1) - restriction: || (&& (== net461) (< net46)) (== netcoreapp3.1) (== netstandard2.0)
      Microsoft.Win32.Primitives (>= 4.3) - restriction: || (&& (== net461) (< net46)) (== netcoreapp3.1) (== netstandard2.0)
      Microsoft.Win32.Registry (>= 4.3) - restriction: || (&& (== net461) (< net46)) (== netcoreapp3.1) (== netstandard2.0)
      runtime.native.System (>= 4.3) - restriction: || (&& (== net461) (< net46)) (== netcoreapp3.1) (== netstandard2.0)
      System.Collections (>= 4.3) - restriction: || (&& (== net461) (< net46)) (== netcoreapp3.1) (== netstandard2.0)
      System.Diagnostics.Debug (>= 4.3) - restriction: || (&& (== net461) (< net46)) (== netcoreapp3.1) (== netstandard2.0)
      System.Globalization (>= 4.3) - restriction: || (&& (== net461) (< net46)) (== netcoreapp3.1) (== netstandard2.0)
      System.IO (>= 4.3) - restriction: || (&& (== net461) (< net46)) (== netcoreapp3.1) (== netstandard2.0)
      System.IO.FileSystem (>= 4.3) - restriction: || (&& (== net461) (< net46)) (== netcoreapp3.1) (== netstandard2.0)
      System.IO.FileSystem.Primitives (>= 4.3) - restriction: || (&& (== net461) (< net46)) (== netcoreapp3.1) (== netstandard2.0)
      System.Resources.ResourceManager (>= 4.3) - restriction: || (&& (== net461) (< net46)) (== netcoreapp3.1) (== netstandard2.0)
      System.Runtime (>= 4.3) - restriction: || (&& (== net461) (< net46)) (== netcoreapp3.1) (== netstandard2.0)
      System.Runtime.Extensions (>= 4.3) - restriction: || (&& (== net461) (< net46)) (== netcoreapp3.1) (== netstandard2.0)
      System.Runtime.Handles (>= 4.3) - restriction: || (&& (== net461) (< net46)) (== netcoreapp3.1) (== netstandard2.0)
      System.Runtime.InteropServices (>= 4.3) - restriction: || (&& (== net461) (< net46)) (== netcoreapp3.1) (== netstandard2.0)
      System.Text.Encoding (>= 4.3) - restriction: || (&& (== net461) (< net46)) (== netcoreapp3.1) (== netstandard2.0)
      System.Text.Encoding.Extensions (>= 4.3) - restriction: || (&& (== net461) (< net46)) (== netcoreapp3.1) (== netstandard2.0)
      System.Threading (>= 4.3) - restriction: || (&& (== net461) (< net46)) (== netcoreapp3.1) (== netstandard2.0)
      System.Threading.Tasks (>= 4.3) - restriction: || (&& (== net461) (< net46)) (== netcoreapp3.1) (== netstandard2.0)
      System.Threading.Thread (>= 4.3) - restriction: || (&& (== net461) (< net46)) (== netcoreapp3.1) (== netstandard2.0)
      System.Threading.ThreadPool (>= 4.3) - restriction: || (&& (== net461) (< net46)) (== netcoreapp3.1) (== netstandard2.0)
    System.Diagnostics.Tools (4.3) - restriction: || (&& (== net461) (< net45) (>= netstandard2.0)) (== netcoreapp3.1) (== netstandard2.0)
      Microsoft.NETCore.Platforms (>= 1.1) - restriction: || (&& (== net461) (< net45)) (== netcoreapp3.1) (== netstandard2.0)
      Microsoft.NETCore.Targets (>= 1.1) - restriction: || (&& (== net461) (< net45)) (== netcoreapp3.1) (== netstandard2.0)
      System.Runtime (>= 4.3) - restriction: || (&& (== net461) (< net45)) (== netcoreapp3.1) (== netstandard2.0)
    System.Diagnostics.TraceSource (4.3) - restriction: || (&& (== net461) (>= netcoreapp2.1)) (== netcoreapp3.1) (&& (== netstandard2.0) (>= netcoreapp2.1))
      Microsoft.NETCore.Platforms (>= 1.1) - restriction: || (&& (== net461) (< net46)) (== netcoreapp3.1) (== netstandard2.0)
      runtime.native.System (>= 4.3) - restriction: || (&& (== net461) (< net46)) (== netcoreapp3.1) (== netstandard2.0)
      System.Collections (>= 4.3) - restriction: || (&& (== net461) (< net46)) (== netcoreapp3.1) (== netstandard2.0)
      System.Diagnostics.Debug (>= 4.3) - restriction: || (&& (== net461) (< net46)) (== netcoreapp3.1) (== netstandard2.0)
      System.Globalization (>= 4.3) - restriction: || (&& (== net461) (< net46)) (== netcoreapp3.1) (== netstandard2.0)
      System.Resources.ResourceManager (>= 4.3) - restriction: || (&& (== net461) (< net46)) (== netcoreapp3.1) (== netstandard2.0)
      System.Runtime (>= 4.3) - restriction: || (&& (== net461) (< net46)) (== netcoreapp3.1) (== netstandard2.0)
      System.Runtime.Extensions (>= 4.3) - restriction: || (&& (== net461) (< net46)) (== netcoreapp3.1) (== netstandard2.0)
      System.Threading (>= 4.3) - restriction: || (&& (== net461) (< net46)) (== netcoreapp3.1) (== netstandard2.0)
    System.Diagnostics.Tracing (4.3) - restriction: || (&& (== net461) (< net45) (>= net462)) (&& (== net461) (< net45) (>= netstandard2.0)) (== netcoreapp3.1) (== netstandard2.0)
      Microsoft.NETCore.Platforms (>= 1.1) - restriction: || (&& (== net461) (< net45)) (== netcoreapp3.1) (== netstandard2.0)
      Microsoft.NETCore.Targets (>= 1.1) - restriction: || (&& (== net461) (< net45)) (== netcoreapp3.1) (== netstandard2.0)
      System.Runtime (>= 4.3) - restriction: || (&& (== net461) (< net45)) (== netcoreapp3.1) (== netstandard2.0)
    System.Dynamic.Runtime (4.3) - restriction: || (&& (== net461) (>= netstandard2.0)) (== netcoreapp3.1) (== netstandard2.0)
      System.Collections (>= 4.3) - restriction: || (&& (== net461) (< net45)) (== netcoreapp3.1) (== netstandard2.0)
      System.Diagnostics.Debug (>= 4.3) - restriction: || (&& (== net461) (< net45)) (== netcoreapp3.1) (== netstandard2.0)
      System.Linq (>= 4.3) - restriction: || (&& (== net461) (< net45)) (== netcoreapp3.1) (== netstandard2.0)
      System.Linq.Expressions (>= 4.3) - restriction: || (&& (== net461) (< net45)) (== netcoreapp3.1) (== netstandard2.0)
      System.ObjectModel (>= 4.3) - restriction: || (&& (== net461) (< net45)) (== netcoreapp3.1) (== netstandard2.0)
      System.Reflection (>= 4.3) - restriction: || (&& (== net461) (< net45)) (== netcoreapp3.1) (== netstandard2.0)
      System.Reflection.Emit (>= 4.3) - restriction: || (&& (== net461) (< net45)) (== netcoreapp3.1) (== netstandard2.0)
      System.Reflection.Emit.ILGeneration (>= 4.3) - restriction: || (&& (== net461) (< net45)) (== netcoreapp3.1) (== netstandard2.0)
      System.Reflection.Primitives (>= 4.3) - restriction: || (&& (== net461) (< net45)) (== netcoreapp3.1) (== netstandard2.0)
      System.Reflection.TypeExtensions (>= 4.3) - restriction: || (&& (== net461) (< net45)) (== netcoreapp3.1) (== netstandard2.0)
      System.Resources.ResourceManager (>= 4.3) - restriction: || (&& (== net461) (< net45)) (== netcoreapp3.1) (== netstandard2.0)
      System.Runtime (>= 4.3) - restriction: || (&& (== net461) (< net45)) (== netcoreapp3.1) (== netstandard2.0)
      System.Runtime.Extensions (>= 4.3) - restriction: || (&& (== net461) (< net45)) (== netcoreapp3.1) (== netstandard2.0)
      System.Threading (>= 4.3) - restriction: || (&& (== net461) (< net45)) (== netcoreapp3.1) (== netstandard2.0)
    System.Globalization (4.3) - restriction: || (&& (== net461) (< net45) (>= net462)) (&& (== net461) (< net45) (>= netstandard2.0)) (&& (== net461) (>= netcoreapp2.1)) (== netcoreapp3.1) (== netstandard2.0)
      Microsoft.NETCore.Platforms (>= 1.1) - restriction: || (&& (== net461) (< net45)) (== netcoreapp3.1) (== netstandard2.0)
      Microsoft.NETCore.Targets (>= 1.1) - restriction: || (&& (== net461) (< net45)) (== netcoreapp3.1) (== netstandard2.0)
      System.Runtime (>= 4.3) - restriction: || (&& (== net461) (< net45)) (== netcoreapp3.1) (== netstandard2.0)
    System.Globalization.Calendars (4.3) - restriction: || (&& (== net461) (< net46) (>= net462) (>= netstandard1.6)) (&& (== net461) (< net46) (>= netstandard2.0)) (== netcoreapp3.1) (== netstandard2.0)
      Microsoft.NETCore.Platforms (>= 1.1) - restriction: || (&& (== net461) (< net46)) (== netcoreapp3.1) (== netstandard2.0)
      Microsoft.NETCore.Targets (>= 1.1) - restriction: || (&& (== net461) (< net46)) (== netcoreapp3.1) (== netstandard2.0)
      System.Globalization (>= 4.3) - restriction: || (&& (== net461) (< net46)) (== netcoreapp3.1) (== netstandard2.0)
      System.Runtime (>= 4.3) - restriction: || (&& (== net461) (< net46)) (== netcoreapp3.1) (== netstandard2.0)
    System.Globalization.Extensions (4.3) - restriction: || (&& (== net461) (< net45) (>= net462) (>= netstandard1.6)) (&& (== net461) (< net45) (>= netstandard2.0)) (== netcoreapp3.1) (== netstandard2.0)
      Microsoft.NETCore.Platforms (>= 1.1) - restriction: || (&& (== net461) (< net46)) (== netcoreapp3.1) (== netstandard2.0)
      System.Globalization (>= 4.3) - restriction: || (&& (== net461) (< net46)) (== netcoreapp3.1) (== netstandard2.0)
      System.Resources.ResourceManager (>= 4.3) - restriction: || (&& (== net461) (< net46)) (== netcoreapp3.1) (== netstandard2.0)
      System.Runtime (>= 4.3) - restriction: || (&& (== net461) (< net46)) (== netcoreapp3.1) (== netstandard2.0)
      System.Runtime.Extensions (>= 4.3) - restriction: || (&& (== net461) (< net46)) (== netcoreapp3.1) (== netstandard2.0)
      System.Runtime.InteropServices (>= 4.3) - restriction: || (&& (== net461) (< net46)) (== netcoreapp3.1) (== netstandard2.0)
    System.IO (4.3) - restriction: || (&& (== net461) (< net45) (>= net462)) (&& (== net461) (< net45) (>= netstandard2.0)) (&& (== net461) (>= netcoreapp2.1)) (== netcoreapp3.1) (== netstandard2.0)
      Microsoft.NETCore.Platforms (>= 1.1) - restriction: || (&& (== net461) (< net45)) (== netcoreapp3.1) (== netstandard2.0)
      Microsoft.NETCore.Targets (>= 1.1) - restriction: || (&& (== net461) (< net45)) (== netcoreapp3.1) (== netstandard2.0)
      System.Runtime (>= 4.3) - restriction: || (&& (== net461) (< net45)) (== netcoreapp3.1) (== netstandard2.0)
      System.Text.Encoding (>= 4.3) - restriction: || (&& (== net461) (< net45)) (== netcoreapp3.1) (== netstandard2.0)
      System.Threading.Tasks (>= 4.3) - restriction: || (&& (== net461) (< net45)) (== netcoreapp3.1) (== netstandard2.0)
    System.IO.Compression (4.3) - restriction: || (&& (== net461) (>= net462)) (&& (== net461) (>= netstandard2.0)) (== netcoreapp3.1) (== netstandard2.0)
      Microsoft.NETCore.Platforms (>= 1.1) - restriction: || (&& (== net461) (< net45)) (== netcoreapp3.1) (== netstandard2.0)
      runtime.native.System (>= 4.3) - restriction: || (&& (== net461) (< net45)) (== netcoreapp3.1) (== netstandard2.0)
      runtime.native.System.IO.Compression (>= 4.3) - restriction: || (&& (== net461) (< net45)) (== netcoreapp3.1) (== netstandard2.0)
      System.Buffers (>= 4.3) - restriction: || (&& (== net461) (< net45)) (== netcoreapp3.1) (== netstandard2.0)
      System.Collections (>= 4.3) - restriction: || (&& (== net461) (< net45)) (== netcoreapp3.1) (== netstandard2.0)
      System.Diagnostics.Debug (>= 4.3) - restriction: || (&& (== net461) (< net45)) (== netcoreapp3.1) (== netstandard2.0)
      System.IO (>= 4.3) - restriction: || (&& (== net461) (< net45)) (== netcoreapp3.1) (== netstandard2.0)
      System.Resources.ResourceManager (>= 4.3) - restriction: || (&& (== net461) (< net45)) (== netcoreapp3.1) (== netstandard2.0)
      System.Runtime (>= 4.3) - restriction: || (&& (== net461) (< net45)) (== netcoreapp3.1) (== netstandard2.0)
      System.Runtime.Extensions (>= 4.3) - restriction: || (&& (== net461) (< net45)) (== netcoreapp3.1) (== netstandard2.0)
      System.Runtime.Handles (>= 4.3) - restriction: || (&& (== net461) (< net45)) (== netcoreapp3.1) (== netstandard2.0)
      System.Runtime.InteropServices (>= 4.3) - restriction: || (&& (== net461) (< net45)) (== netcoreapp3.1) (== netstandard2.0)
      System.Text.Encoding (>= 4.3) - restriction: || (&& (== net461) (< net45)) (== netcoreapp3.1) (== netstandard2.0)
      System.Threading (>= 4.3) - restriction: || (&& (== net461) (< net45)) (== netcoreapp3.1) (== netstandard2.0)
      System.Threading.Tasks (>= 4.3) - restriction: || (&& (== net461) (< net45)) (== netcoreapp3.1) (== netstandard2.0)
    System.IO.Compression.ZipFile (4.3) - restriction: || (&& (== net461) (>= net462)) (&& (== net461) (>= netstandard2.0)) (== netcoreapp3.1) (== netstandard2.0)
      System.Buffers (>= 4.3) - restriction: || (&& (== net461) (< net46)) (== netcoreapp3.1) (== netstandard2.0)
      System.IO (>= 4.3) - restriction: || (&& (== net461) (< net46)) (== netcoreapp3.1) (== netstandard2.0)
      System.IO.Compression (>= 4.3) - restriction: || (&& (== net461) (< net46)) (== netcoreapp3.1) (== netstandard2.0)
      System.IO.FileSystem (>= 4.3) - restriction: || (&& (== net461) (< net46)) (== netcoreapp3.1) (== netstandard2.0)
      System.IO.FileSystem.Primitives (>= 4.3) - restriction: || (&& (== net461) (< net46)) (== netcoreapp3.1) (== netstandard2.0)
      System.Resources.ResourceManager (>= 4.3) - restriction: || (&& (== net461) (< net46)) (== netcoreapp3.1) (== netstandard2.0)
      System.Runtime (>= 4.3) - restriction: || (&& (== net461) (< net46)) (== netcoreapp3.1) (== netstandard2.0)
      System.Runtime.Extensions (>= 4.3) - restriction: || (&& (== net461) (< net46)) (== netcoreapp3.1) (== netstandard2.0)
      System.Text.Encoding (>= 4.3) - restriction: || (&& (== net461) (< net46)) (== netcoreapp3.1) (== netstandard2.0)
    System.IO.FileSystem (4.3) - restriction: || (&& (== net461) (< net45) (>= net462) (>= netstandard1.6)) (&& (== net461) (< net45) (>= netstandard2.0)) (== netcoreapp3.1) (== netstandard2.0)
      Microsoft.NETCore.Platforms (>= 1.1) - restriction: || (&& (== net461) (< net46)) (== netcoreapp3.1) (== netstandard2.0)
      Microsoft.NETCore.Targets (>= 1.1) - restriction: || (&& (== net461) (< net46)) (== netcoreapp3.1) (== netstandard2.0)
      System.IO (>= 4.3) - restriction: || (&& (== net461) (< net46)) (== netcoreapp3.1) (== netstandard2.0)
      System.IO.FileSystem.Primitives (>= 4.3)
      System.Runtime (>= 4.3) - restriction: || (&& (== net461) (< net46)) (== netcoreapp3.1) (== netstandard2.0)
      System.Runtime.Handles (>= 4.3) - restriction: || (&& (== net461) (< net46)) (== netcoreapp3.1) (== netstandard2.0)
      System.Text.Encoding (>= 4.3) - restriction: || (&& (== net461) (< net46)) (== netcoreapp3.1) (== netstandard2.0)
      System.Threading.Tasks (>= 4.3) - restriction: || (&& (== net461) (< net46)) (== netcoreapp3.1) (== netstandard2.0)
    System.IO.FileSystem.Primitives (4.3) - restriction: || (&& (== net461) (< net45) (>= netstandard2.0)) (== netcoreapp3.1) (== netstandard2.0)
      System.Runtime (>= 4.3) - restriction: || (&& (== net461) (< net46)) (== netcoreapp3.1) (== netstandard2.0)
    System.IO.FileSystem.Watcher (4.3) - restriction: || (&& (== net461) (>= net462)) (&& (== net461) (>= netstandard2.0)) (== netcoreapp3.1) (== netstandard2.0)
      Microsoft.NETCore.Platforms (>= 1.1) - restriction: || (&& (== net461) (< net46)) (== netcoreapp3.1) (== netstandard2.0)
      Microsoft.Win32.Primitives (>= 4.3) - restriction: || (&& (== net461) (< net46)) (== netcoreapp3.1) (== netstandard2.0)
      runtime.native.System (>= 4.3) - restriction: || (&& (== net461) (< net46)) (== netcoreapp3.1) (== netstandard2.0)
      System.Collections (>= 4.3) - restriction: || (&& (== net461) (< net46)) (== netcoreapp3.1) (== netstandard2.0)
      System.IO.FileSystem (>= 4.3) - restriction: || (&& (== net461) (< net46)) (== netcoreapp3.1) (== netstandard2.0)
      System.IO.FileSystem.Primitives (>= 4.3) - restriction: || (&& (== net461) (< net46)) (== netcoreapp3.1) (== netstandard2.0)
      System.Resources.ResourceManager (>= 4.3) - restriction: || (&& (== net461) (< net46)) (== netcoreapp3.1) (== netstandard2.0)
      System.Runtime (>= 4.3) - restriction: || (&& (== net461) (< net46)) (== netcoreapp3.1) (== netstandard2.0)
      System.Runtime.Extensions (>= 4.3) - restriction: || (&& (== net461) (< net46)) (== netcoreapp3.1) (== netstandard2.0)
      System.Runtime.Handles (>= 4.3) - restriction: || (&& (== net461) (< net46)) (== netcoreapp3.1) (== netstandard2.0)
      System.Runtime.InteropServices (>= 4.3) - restriction: || (&& (== net461) (< net46)) (== netcoreapp3.1) (== netstandard2.0)
      System.Text.Encoding (>= 4.3) - restriction: || (&& (== net461) (< net46)) (== netcoreapp3.1) (== netstandard2.0)
      System.Threading (>= 4.3) - restriction: || (&& (== net461) (< net46)) (== netcoreapp3.1) (== netstandard2.0)
      System.Threading.Overlapped (>= 4.3) - restriction: || (&& (== net461) (< net46)) (== netcoreapp3.1) (== netstandard2.0)
      System.Threading.Tasks (>= 4.3) - restriction: || (&& (== net461) (< net46)) (== netcoreapp3.1) (== netstandard2.0)
      System.Threading.Thread (>= 4.3) - restriction: || (&& (== net461) (< net46)) (== netcoreapp3.1) (== netstandard2.0)
    System.Linq (4.3) - restriction: || (&& (== net461) (< net46) (>= net462)) (&& (== net461) (< net46) (>= netstandard2.0)) (== netcoreapp3.1) (== netstandard2.0)
      System.Collections (>= 4.3) - restriction: || (&& (== net461) (< net45)) (== netcoreapp3.1) (== netstandard2.0)
      System.Diagnostics.Debug (>= 4.3) - restriction: || (&& (== net461) (< net45) (>= netstandard1.6)) (== netcoreapp3.1) (== netstandard2.0)
      System.Resources.ResourceManager (>= 4.3) - restriction: || (&& (== net461) (< net45) (>= netstandard1.6)) (== netcoreapp3.1) (== netstandard2.0)
      System.Runtime (>= 4.3) - restriction: || (&& (== net461) (< net45)) (== netcoreapp3.1) (== netstandard2.0)
      System.Runtime.Extensions (>= 4.3) - restriction: || (&& (== net461) (< net45) (>= netstandard1.6)) (== netcoreapp3.1) (== netstandard2.0)
    System.Linq.Expressions (4.3) - restriction: || (&& (== net461) (< net45) (>= netstandard2.0)) (== netcoreapp3.1) (== netstandard2.0)
      System.Collections (>= 4.3) - restriction: || (&& (== net461) (< net45) (>= netstandard1.6)) (== netcoreapp3.1) (== netstandard2.0)
      System.Diagnostics.Debug (>= 4.3) - restriction: || (&& (== net461) (< net45) (>= netstandard1.6)) (== netcoreapp3.1) (== netstandard2.0)
      System.Globalization (>= 4.3) - restriction: || (&& (== net461) (< net45) (>= netstandard1.6)) (== netcoreapp3.1) (== netstandard2.0)
      System.IO (>= 4.3) - restriction: || (&& (== net461) (< net45) (>= netstandard1.6)) (== netcoreapp3.1) (== netstandard2.0)
      System.Linq (>= 4.3) - restriction: || (&& (== net461) (< net45) (>= netstandard1.6)) (== netcoreapp3.1) (== netstandard2.0)
      System.ObjectModel (>= 4.3) - restriction: || (&& (== net461) (< net45) (>= netstandard1.6)) (== netcoreapp3.1) (== netstandard2.0)
      System.Reflection (>= 4.3) - restriction: || (&& (== net461) (< net45)) (== netcoreapp3.1) (== netstandard2.0)
      System.Reflection.Emit (>= 4.3) - restriction: || (&& (== net461) (< net45) (>= netstandard1.6)) (== netcoreapp3.1) (== netstandard2.0)
      System.Reflection.Emit.ILGeneration (>= 4.3) - restriction: || (&& (== net461) (< net45) (>= netstandard1.6)) (== netcoreapp3.1) (== netstandard2.0)
      System.Reflection.Emit.Lightweight (>= 4.3) - restriction: || (&& (== net461) (< net45) (>= netstandard1.6)) (== netcoreapp3.1) (== netstandard2.0)
      System.Reflection.Extensions (>= 4.3) - restriction: || (&& (== net461) (< net45) (>= netstandard1.6)) (== netcoreapp3.1) (== netstandard2.0)
      System.Reflection.Primitives (>= 4.3) - restriction: || (&& (== net461) (< net45) (>= netstandard1.6)) (== netcoreapp3.1) (== netstandard2.0)
      System.Reflection.TypeExtensions (>= 4.3) - restriction: || (&& (== net461) (< net45) (>= netstandard1.6)) (== netcoreapp3.1) (== netstandard2.0)
      System.Resources.ResourceManager (>= 4.3) - restriction: || (&& (== net461) (< net45) (>= netstandard1.6)) (== netcoreapp3.1) (== netstandard2.0)
      System.Runtime (>= 4.3) - restriction: || (&& (== net461) (< net45)) (== netcoreapp3.1) (== netstandard2.0)
      System.Runtime.Extensions (>= 4.3) - restriction: || (&& (== net461) (< net45) (>= netstandard1.6)) (== netcoreapp3.1) (== netstandard2.0)
      System.Threading (>= 4.3) - restriction: || (&& (== net461) (< net45) (>= netstandard1.6)) (== netcoreapp3.1) (== netstandard2.0)
    System.Linq.Parallel (4.3) - restriction: || (&& (== net461) (< net46) (>= netstandard2.0)) (== netcoreapp3.1) (== netstandard2.0)
      System.Collections (>= 4.3) - restriction: || (&& (== net461) (< net45)) (== netcoreapp3.1) (== netstandard2.0)
      System.Collections.Concurrent (>= 4.3) - restriction: || (&& (== net461) (< net45)) (== netcoreapp3.1) (== netstandard2.0)
      System.Diagnostics.Debug (>= 4.3) - restriction: || (&& (== net461) (< net45)) (== netcoreapp3.1) (== netstandard2.0)
      System.Diagnostics.Tracing (>= 4.3) - restriction: || (&& (== net461) (< net45)) (== netcoreapp3.1) (== netstandard2.0)
      System.Linq (>= 4.3) - restriction: || (&& (== net461) (< net45)) (== netcoreapp3.1) (== netstandard2.0)
      System.Resources.ResourceManager (>= 4.3) - restriction: || (&& (== net461) (< net45)) (== netcoreapp3.1) (== netstandard2.0)
      System.Runtime (>= 4.3) - restriction: || (&& (== net461) (< net45)) (== netcoreapp3.1) (== netstandard2.0)
      System.Runtime.Extensions (>= 4.3) - restriction: || (&& (== net461) (< net45)) (== netcoreapp3.1) (== netstandard2.0)
      System.Threading (>= 4.3) - restriction: || (&& (== net461) (< net45)) (== netcoreapp3.1) (== netstandard2.0)
      System.Threading.Tasks (>= 4.3) - restriction: || (&& (== net461) (< net45)) (== netcoreapp3.1) (== netstandard2.0)
    System.Memory (4.5.4) - restriction: || (&& (== net461) (< net46) (>= net472)) (&& (== net461) (< net46) (>= netstandard2.0)) (&& (== net461) (>= net462) (>= uap10.1)) (&& (== net461) (>= netcoreapp2.0)) (&& (== net461) (>= netcoreapp2.1)) (&& (== net461) (>= netstandard2.0) (>= uap10.1)) (== netcoreapp3.1) (== netstandard2.0)
      System.Buffers (>= 4.5.1) - restriction: || (== net461) (&& (== netcoreapp3.1) (>= monotouch)) (&& (== netcoreapp3.1) (>= net461)) (&& (== netcoreapp3.1) (< netcoreapp2.0)) (&& (== netcoreapp3.1) (< netstandard1.1)) (&& (== netcoreapp3.1) (< netstandard2.0)) (&& (== netcoreapp3.1) (>= xamarinios)) (&& (== netcoreapp3.1) (>= xamarinmac)) (&& (== netcoreapp3.1) (>= xamarintvos)) (&& (== netcoreapp3.1) (>= xamarinwatchos)) (== netstandard2.0)
      System.Numerics.Vectors (>= 4.4) - restriction: || (&& (== net461) (< net45) (>= netstandard2.0)) (&& (== netcoreapp3.1) (< netcoreapp2.0)) (== netstandard2.0)
      System.Runtime.CompilerServices.Unsafe (>= 4.5.3) - restriction: || (== net461) (&& (== netcoreapp3.1) (>= monotouch)) (&& (== netcoreapp3.1) (>= net461)) (&& (== netcoreapp3.1) (< netcoreapp2.0)) (&& (== netcoreapp3.1) (< netcoreapp2.1)) (&& (== netcoreapp3.1) (< netstandard1.1)) (&& (== netcoreapp3.1) (< netstandard2.0)) (&& (== netcoreapp3.1) (>= uap10.1)) (&& (== netcoreapp3.1) (>= xamarinios)) (&& (== netcoreapp3.1) (>= xamarinmac)) (&& (== netcoreapp3.1) (>= xamarintvos)) (&& (== netcoreapp3.1) (>= xamarinwatchos)) (== netstandard2.0)
    System.Net.Http (4.3.4) - restriction: || (&& (== net461) (>= net462)) (&& (== net461) (>= netstandard2.0)) (== netcoreapp3.1) (== netstandard2.0)
      Microsoft.NETCore.Platforms (>= 1.1.1) - restriction: || (&& (== net461) (< net45)) (== netcoreapp3.1) (== netstandard2.0)
      runtime.native.System (>= 4.3) - restriction: || (&& (== net461) (< net45) (>= netstandard1.6)) (== netcoreapp3.1) (== netstandard2.0)
      runtime.native.System.Net.Http (>= 4.3) - restriction: || (&& (== net461) (< net45) (>= netstandard1.6)) (== netcoreapp3.1) (== netstandard2.0)
      runtime.native.System.Security.Cryptography.OpenSsl (>= 4.3.2) - restriction: || (&& (== net461) (< net45) (>= netstandard1.6)) (== netcoreapp3.1) (== netstandard2.0)
      System.Collections (>= 4.3) - restriction: || (&& (== net461) (< net45)) (== netcoreapp3.1) (== netstandard2.0)
      System.Diagnostics.Debug (>= 4.3) - restriction: || (&& (== net461) (< net45)) (== netcoreapp3.1) (== netstandard2.0)
      System.Diagnostics.DiagnosticSource (>= 4.3) - restriction: || (&& (== net461) (< net45)) (== netcoreapp3.1) (== netstandard2.0)
      System.Diagnostics.Tracing (>= 4.3) - restriction: || (&& (== net461) (< net45)) (== netcoreapp3.1) (== netstandard2.0)
      System.Globalization (>= 4.3) - restriction: || (&& (== net461) (< net45)) (== netcoreapp3.1) (== netstandard2.0)
      System.Globalization.Extensions (>= 4.3) - restriction: || (&& (== net461) (< net45) (>= netstandard1.6)) (== netcoreapp3.1) (== netstandard2.0)
      System.IO (>= 4.3) - restriction: || (&& (== net461) (< net45)) (== netcoreapp3.1) (== netstandard2.0)
      System.IO.FileSystem (>= 4.3) - restriction: || (&& (== net461) (< net45) (>= netstandard1.6)) (== netcoreapp3.1) (== netstandard2.0)
      System.Net.Primitives (>= 4.3) - restriction: || (&& (== net461) (< net45)) (== netcoreapp3.1) (== netstandard2.0)
      System.Resources.ResourceManager (>= 4.3) - restriction: || (&& (== net461) (< net45)) (== netcoreapp3.1) (== netstandard2.0)
      System.Runtime (>= 4.3) - restriction: || (&& (== net461) (< net45)) (== netcoreapp3.1) (== netstandard2.0)
      System.Runtime.Extensions (>= 4.3) - restriction: || (&& (== net461) (< net45)) (== netcoreapp3.1) (== netstandard2.0)
      System.Runtime.Handles (>= 4.3) - restriction: || (&& (== net461) (< net45)) (== netcoreapp3.1) (== netstandard2.0)
      System.Runtime.InteropServices (>= 4.3) - restriction: || (&& (== net461) (< net45)) (== netcoreapp3.1) (== netstandard2.0)
      System.Security.Cryptography.Algorithms (>= 4.3) - restriction: || (&& (== net461) (< net45) (>= netstandard1.6)) (== netcoreapp3.1) (== netstandard2.0)
      System.Security.Cryptography.Encoding (>= 4.3) - restriction: || (&& (== net461) (< net45)) (== netcoreapp3.1) (== netstandard2.0)
      System.Security.Cryptography.OpenSsl (>= 4.3) - restriction: || (&& (== net461) (< net45) (>= netstandard1.6)) (== netcoreapp3.1) (== netstandard2.0)
      System.Security.Cryptography.Primitives (>= 4.3) - restriction: || (&& (== net461) (< net45) (>= netstandard1.6)) (== netcoreapp3.1) (== netstandard2.0)
      System.Security.Cryptography.X509Certificates (>= 4.3)
      System.Text.Encoding (>= 4.3) - restriction: || (&& (== net461) (< net45)) (== netcoreapp3.1) (== netstandard2.0)
      System.Threading (>= 4.3) - restriction: || (&& (== net461) (< net45)) (== netcoreapp3.1) (== netstandard2.0)
      System.Threading.Tasks (>= 4.3) - restriction: || (&& (== net461) (< net45)) (== netcoreapp3.1) (== netstandard2.0)
    System.Net.Primitives (4.3.1) - restriction: || (&& (== net461) (< net45) (>= net462)) (&& (== net461) (< net45) (>= netstandard2.0)) (== netcoreapp3.1) (== netstandard2.0)
      Microsoft.NETCore.Platforms (>= 1.1.1) - restriction: || (&& (== net461) (< net45)) (&& (== net461) (< netstandard1.1)) (== netcoreapp3.1) (== netstandard2.0)
      Microsoft.NETCore.Targets (>= 1.1.3) - restriction: || (&& (== net461) (< net45)) (&& (== net461) (< netstandard1.1)) (== netcoreapp3.1) (== netstandard2.0)
      System.Runtime (>= 4.3.1) - restriction: || (&& (== net461) (< net45)) (&& (== net461) (< netstandard1.1)) (== netcoreapp3.1) (== netstandard2.0)
      System.Runtime.Handles (>= 4.3) - restriction: || (&& (== net461) (< net45)) (== netcoreapp3.1) (== netstandard2.0)
    System.Numerics.Vectors (4.5) - restriction: || (&& (== net461) (== netcoreapp3.1)) (&& (== net461) (< net45) (>= netstandard2.0)) (&& (== net461) (>= netcoreapp2.0)) (&& (== net461) (>= netstandard2.0) (>= uap10.1)) (&& (== netcoreapp3.1) (< netcoreapp2.0)) (&& (== netcoreapp3.1) (>= uap10.1)) (== netstandard2.0)
    System.ObjectModel (4.3) - restriction: || (&& (== net461) (< net45) (>= netstandard2.0)) (== netcoreapp3.1) (== netstandard2.0)
      System.Collections (>= 4.3) - restriction: || (&& (== net461) (< net45)) (== netcoreapp3.1) (== netstandard2.0)
      System.Diagnostics.Debug (>= 4.3) - restriction: || (&& (== net461) (< net45)) (== netcoreapp3.1) (== netstandard2.0)
      System.Resources.ResourceManager (>= 4.3) - restriction: || (&& (== net461) (< net45)) (== netcoreapp3.1) (== netstandard2.0)
      System.Runtime (>= 4.3) - restriction: || (&& (== net461) (< net45)) (== netcoreapp3.1) (== netstandard2.0)
      System.Threading (>= 4.3) - restriction: || (&& (== net461) (< net45)) (== netcoreapp3.1) (== netstandard2.0)
    System.Reactive (4.3.2) - restriction: || (&& (== net461) (>= net462)) (&& (== net461) (>= netstandard2.0)) (== netcoreapp3.1) (== netstandard2.0)
      System.Runtime.InteropServices.WindowsRuntime (>= 4.3) - restriction: || (&& (== net461) (< net46) (>= netstandard2.0)) (&& (== netcoreapp3.1) (< netcoreapp3.0)) (== netstandard2.0)
      System.Threading.Tasks.Extensions (>= 4.5.3) - restriction: || (== net461) (&& (== netcoreapp3.1) (>= net46)) (&& (== netcoreapp3.1) (< netcoreapp3.0)) (&& (== netcoreapp3.1) (>= uap10.0)) (== netstandard2.0)
    System.Reactive.Compatibility (4.3.2) - restriction: || (&& (== net461) (>= net462)) (&& (== net461) (>= netstandard2.0)) (== netcoreapp3.1) (== netstandard2.0)
      System.Reactive.Core (>= 4.3.2)
      System.Reactive.Interfaces (>= 4.3.2)
      System.Reactive.Linq (>= 4.3.2)
      System.Reactive.PlatformServices (>= 4.3.2)
      System.Reactive.Providers (>= 4.3.2)
    System.Reactive.Core (4.3.2) - restriction: || (&& (== net461) (>= net462)) (&& (== net461) (>= netstandard2.0)) (== netcoreapp3.1) (== netstandard2.0)
      System.Reactive (>= 4.3.2)
      System.Threading.Tasks.Extensions (>= 4.5.3)
    System.Reactive.Interfaces (4.3.2) - restriction: || (&& (== net461) (>= net462)) (&& (== net461) (>= netstandard2.0)) (== netcoreapp3.1) (== netstandard2.0)
      System.Reactive (>= 4.3.2)
      System.Threading.Tasks.Extensions (>= 4.5.3)
    System.Reactive.Linq (4.3.2) - restriction: || (&& (== net461) (>= net462)) (&& (== net461) (>= netstandard2.0)) (== netcoreapp3.1) (== netstandard2.0)
      System.Reactive (>= 4.3.2)
      System.Threading.Tasks.Extensions (>= 4.5.3)
    System.Reactive.PlatformServices (4.3.2) - restriction: || (&& (== net461) (>= net462)) (&& (== net461) (>= netstandard2.0)) (== netcoreapp3.1) (== netstandard2.0)
      System.Reactive (>= 4.3.2)
      System.Threading.Tasks.Extensions (>= 4.5.3)
    System.Reactive.Providers (4.3.2) - restriction: || (&& (== net461) (>= net462)) (&& (== net461) (>= netstandard2.0)) (== netcoreapp3.1) (== netstandard2.0)
      System.Reactive (>= 4.3.2)
      System.Threading.Tasks.Extensions (>= 4.5.3)
    System.Reflection (4.3) - restriction: || (&& (== net461) (< net45) (>= netstandard2.0)) (&& (== net461) (>= netcoreapp2.1)) (== netcoreapp3.1) (== netstandard2.0)
      Microsoft.NETCore.Platforms (>= 1.1) - restriction: || (&& (== net461) (< net45)) (== netcoreapp3.1) (== netstandard2.0)
      Microsoft.NETCore.Targets (>= 1.1) - restriction: || (&& (== net461) (< net45)) (== netcoreapp3.1) (== netstandard2.0)
      System.IO (>= 4.3) - restriction: || (&& (== net461) (< net45)) (== netcoreapp3.1) (== netstandard2.0)
      System.Reflection.Primitives (>= 4.3) - restriction: || (&& (== net461) (< net45)) (== netcoreapp3.1) (== netstandard2.0)
      System.Runtime (>= 4.3) - restriction: || (&& (== net461) (< net45)) (== netcoreapp3.1) (== netstandard2.0)
    System.Reflection.Emit (4.7) - restriction: || (&& (== net461) (< net45) (>= netstandard2.0)) (== netcoreapp3.1) (== netstandard2.0)
      System.Reflection.Emit.ILGeneration (>= 4.7) - restriction: || (&& (== net461) (< net45)) (&& (== net461) (< netstandard1.1)) (&& (== net461) (>= uap10.1)) (&& (== net461) (>= wpa81)) (&& (== netcoreapp3.1) (< netcoreapp2.0) (< netstandard2.1)) (&& (== netcoreapp3.1) (< netstandard1.1)) (&& (== netcoreapp3.1) (< netstandard2.0)) (&& (== netcoreapp3.1) (>= uap10.1)) (== netstandard2.0)
    System.Reflection.Emit.ILGeneration (4.7) - restriction: || (&& (== net461) (< net45) (>= netstandard2.0)) (&& (== net461) (< netstandard1.1) (>= netstandard2.0)) (&& (== net461) (>= netstandard2.0) (>= uap10.1)) (&& (== net461) (>= netstandard2.0) (>= wpa81)) (== netcoreapp3.1) (== netstandard2.0)
    System.Reflection.Emit.Lightweight (4.7) - restriction: || (&& (== net461) (< net45) (>= netstandard2.0)) (== netcoreapp3.1) (== netstandard2.0)
      System.Reflection.Emit.ILGeneration (>= 4.7) - restriction: || (&& (== net461) (< net45)) (&& (== net461) (< portable-net45+wp8)) (&& (== net461) (>= uap10.1)) (&& (== net461) (>= wpa81)) (&& (== netcoreapp3.1) (< netcoreapp2.0) (< netstandard2.1)) (&& (== netcoreapp3.1) (< netstandard2.0)) (&& (== netcoreapp3.1) (< portable-net45+wp8)) (&& (== netcoreapp3.1) (>= uap10.1)) (== netstandard2.0)
    System.Reflection.Extensions (4.3) - restriction: || (&& (== net461) (< net45) (>= netstandard2.0)) (== netcoreapp3.1) (== netstandard2.0)
      Microsoft.NETCore.Platforms (>= 1.1) - restriction: || (&& (== net461) (< net45)) (== netcoreapp3.1) (== netstandard2.0)
      Microsoft.NETCore.Targets (>= 1.1) - restriction: || (&& (== net461) (< net45)) (== netcoreapp3.1) (== netstandard2.0)
      System.Reflection (>= 4.3) - restriction: || (&& (== net461) (< net45)) (== netcoreapp3.1) (== netstandard2.0)
      System.Runtime (>= 4.3) - restriction: || (&& (== net461) (< net45)) (== netcoreapp3.1) (== netstandard2.0)
    System.Reflection.Metadata (1.8) - restriction: || (&& (== net461) (< net46) (>= net462)) (&& (== net461) (< net46) (>= netstandard2.0)) (&& (== net461) (>= netcoreapp2.1)) (== netcoreapp3.1) (== netstandard2.0)
      System.Collections.Immutable (>= 1.7) - restriction: || (== net461) (&& (== netcoreapp3.1) (>= net45)) (&& (== netcoreapp3.1) (< netstandard1.1)) (&& (== netcoreapp3.1) (< netstandard2.0)) (== netstandard2.0)
    System.Reflection.Primitives (4.3) - restriction: || (&& (== net461) (< net45) (>= net462)) (&& (== net461) (< net45) (>= netstandard2.0)) (&& (== net461) (>= net462) (>= netcoreapp1.1)) (&& (== net461) (>= netcoreapp1.1) (>= netstandard2.0)) (== netcoreapp3.1) (== netstandard2.0)
      Microsoft.NETCore.Platforms (>= 1.1) - restriction: || (&& (== net461) (< net45)) (== netcoreapp3.1) (== netstandard2.0)
      Microsoft.NETCore.Targets (>= 1.1) - restriction: || (&& (== net461) (< net45)) (== netcoreapp3.1) (== netstandard2.0)
      System.Runtime (>= 4.3) - restriction: || (&& (== net461) (< net45)) (== netcoreapp3.1) (== netstandard2.0)
    System.Reflection.TypeExtensions (4.7) - restriction: || (&& (== net461) (< net45) (>= netstandard2.0)) (&& (== net461) (>= netcoreapp2.1)) (== netcoreapp3.1) (== netstandard2.0)
    System.Resources.Extensions (4.7) - restriction: || (&& (== net461) (< net46) (>= netstandard2.0)) (== netcoreapp3.1) (== netstandard2.0)
      System.Memory (>= 4.5.3) - restriction: || (&& (== net461) (>= netstandard2.0)) (&& (== netcoreapp3.1) (< netcoreapp2.1)) (== netstandard2.0)
    System.Resources.ResourceManager (4.3) - restriction: || (&& (== net461) (< net45) (>= net462)) (&& (== net461) (< net45) (>= netstandard2.0)) (&& (== net461) (>= netcoreapp2.1)) (== netcoreapp3.1) (== netstandard2.0)
      Microsoft.NETCore.Platforms (>= 1.1) - restriction: || (&& (== net461) (< net45)) (== netcoreapp3.1) (== netstandard2.0)
      Microsoft.NETCore.Targets (>= 1.1) - restriction: || (&& (== net461) (< net45)) (== netcoreapp3.1) (== netstandard2.0)
      System.Globalization (>= 4.3) - restriction: || (&& (== net461) (< net45)) (== netcoreapp3.1) (== netstandard2.0)
      System.Reflection (>= 4.3) - restriction: || (&& (== net461) (< net45)) (== netcoreapp3.1) (== netstandard2.0)
      System.Runtime (>= 4.3) - restriction: || (&& (== net461) (< net45)) (== netcoreapp3.1) (== netstandard2.0)
    System.Resources.Writer (4.3) - restriction: || (&& (== net461) (< net46) (>= netstandard2.0)) (== netcoreapp3.1) (== netstandard2.0)
      System.Collections (>= 4.3) - restriction: || (&& (== net461) (< net46)) (== netcoreapp3.1) (== netstandard2.0)
      System.IO (>= 4.3) - restriction: || (&& (== net461) (< net46)) (== netcoreapp3.1) (== netstandard2.0)
      System.Resources.ResourceManager (>= 4.3) - restriction: || (&& (== net461) (< net46)) (== netcoreapp3.1) (== netstandard2.0)
      System.Runtime (>= 4.3) - restriction: || (&& (== net461) (< net46)) (== netcoreapp3.1) (== netstandard2.0)
      System.Runtime.Extensions (>= 4.3) - restriction: || (&& (== net461) (< net46)) (== netcoreapp3.1) (== netstandard2.0)
      System.Text.Encoding (>= 4.3) - restriction: || (&& (== net461) (< net46)) (== netcoreapp3.1) (== netstandard2.0)
    System.Runtime (4.3.1) - restriction: || (&& (== net461) (< net45) (>= net462)) (&& (== net461) (< net45) (>= netstandard2.0)) (&& (== net461) (>= net462) (< netstandard1.1)) (&& (== net461) (>= netcoreapp2.1)) (&& (== net461) (< netstandard1.1) (>= netstandard2.0)) (== netcoreapp3.1) (== netstandard2.0)
      Microsoft.NETCore.Platforms (>= 1.1.1) - restriction: || (&& (== net461) (< net45)) (== netcoreapp3.1) (== netstandard2.0)
      Microsoft.NETCore.Targets (>= 1.1.3) - restriction: || (&& (== net461) (< net45)) (== netcoreapp3.1) (== netstandard2.0)
    System.Runtime.CompilerServices.Unsafe (4.7.1) - restriction: || (&& (== net461) (== netcoreapp3.1)) (&& (== net461) (>= monoandroid) (>= netstandard2.0)) (&& (== net461) (>= monotouch) (>= netstandard2.0)) (&& (== net461) (< net45) (>= netstandard2.0)) (&& (== net461) (< net46) (>= netstandard2.0)) (&& (== net461) (>= net462) (>= uap10.1)) (&& (== net461) (>= netcoreapp2.0)) (&& (== net461) (< netstandard1.1) (>= netstandard2.0)) (&& (== net461) (>= netstandard2.0) (>= uap10.1)) (&& (== net461) (>= netstandard2.0) (>= wpa81)) (&& (== net461) (>= netstandard2.0) (>= xamarintvos)) (&& (== net461) (>= netstandard2.0) (>= xamarinwatchos)) (&& (== net461) (>= xamarinios)) (&& (== net461) (>= xamarinmac)) (&& (== netcoreapp3.1) (>= monotouch)) (&& (== netcoreapp3.1) (>= net461)) (&& (== netcoreapp3.1) (< netcoreapp2.0)) (&& (== netcoreapp3.1) (< netcoreapp2.1)) (&& (== netcoreapp3.1) (< netstandard1.1)) (&& (== netcoreapp3.1) (< netstandard2.0)) (&& (== netcoreapp3.1) (>= uap10.1)) (&& (== netcoreapp3.1) (>= xamarinios)) (&& (== netcoreapp3.1) (>= xamarinmac)) (&& (== netcoreapp3.1) (>= xamarintvos)) (&& (== netcoreapp3.1) (>= xamarinwatchos)) (== netstandard2.0)
    System.Runtime.Extensions (4.3.1) - restriction: || (&& (== net461) (< net45) (>= net462)) (&& (== net461) (< net45) (>= netstandard2.0)) (&& (== net461) (>= netcoreapp2.1)) (== netcoreapp3.1) (== netstandard2.0)
      Microsoft.NETCore.Platforms (>= 1.1.1) - restriction: || (&& (== net461) (< net45)) (== netcoreapp3.1) (== netstandard2.0)
      Microsoft.NETCore.Targets (>= 1.1.3) - restriction: || (&& (== net461) (< net45)) (== netcoreapp3.1) (== netstandard2.0)
      System.Runtime (>= 4.3.1) - restriction: || (&& (== net461) (< net45)) (== netcoreapp3.1) (== netstandard2.0)
    System.Runtime.Handles (4.3) - restriction: || (&& (== net461) (< net45) (>= net462)) (&& (== net461) (< net45) (>= netstandard2.0)) (== netcoreapp3.1) (== netstandard2.0)
      Microsoft.NETCore.Platforms (>= 1.1) - restriction: || (&& (== net461) (< net46)) (== netcoreapp3.1) (== netstandard2.0)
      Microsoft.NETCore.Targets (>= 1.1) - restriction: || (&& (== net461) (< net46)) (== netcoreapp3.1) (== netstandard2.0)
      System.Runtime (>= 4.3) - restriction: || (&& (== net461) (< net46)) (== netcoreapp3.1) (== netstandard2.0)
    System.Runtime.InteropServices (4.3) - restriction: || (&& (== net461) (< net45) (>= net462)) (&& (== net461) (< net45) (>= netstandard2.0)) (== netcoreapp3.1) (== netstandard2.0)
      Microsoft.NETCore.Platforms (>= 1.1) - restriction: || (&& (== net461) (< net45)) (&& (== net461) (>= netcoreapp1.1)) (== netcoreapp3.1) (== netstandard2.0)
      Microsoft.NETCore.Targets (>= 1.1) - restriction: || (&& (== net461) (< net45)) (&& (== net461) (>= netcoreapp1.1)) (== netcoreapp3.1) (== netstandard2.0)
      System.Reflection (>= 4.3) - restriction: || (&& (== net461) (< net45)) (&& (== net461) (>= netcoreapp1.1)) (== netcoreapp3.1) (== netstandard2.0)
      System.Reflection.Primitives (>= 4.3) - restriction: || (&& (== net461) (< net45)) (&& (== net461) (>= netcoreapp1.1)) (== netcoreapp3.1) (== netstandard2.0)
      System.Runtime (>= 4.3) - restriction: || (&& (== net461) (< net45)) (&& (== net461) (>= net462)) (&& (== net461) (>= netcoreapp1.1)) (== netcoreapp3.1) (== netstandard2.0)
      System.Runtime.Handles (>= 4.3) - restriction: || (&& (== net461) (< net45)) (&& (== net461) (>= netcoreapp1.1)) (== netcoreapp3.1) (== netstandard2.0)
    System.Runtime.InteropServices.WindowsRuntime (4.3) - restriction: || (&& (== net461) (== netcoreapp3.1)) (&& (== net461) (< net46) (>= netstandard2.0)) (&& (== netcoreapp3.1) (< netcoreapp3.0)) (== netstandard2.0)
      System.Runtime (>= 4.3) - restriction: || (&& (== net461) (< net45)) (== netcoreapp3.1) (== netstandard2.0)
    System.Runtime.Loader (4.3) - restriction: || (&& (== net461) (>= netcoreapp2.1)) (== netcoreapp3.1) (&& (== netstandard2.0) (>= netcoreapp2.1))
      System.IO (>= 4.3) - restriction: || (&& (== net461) (>= netstandard1.5)) (== netcoreapp3.1) (== netstandard2.0)
      System.Reflection (>= 4.3) - restriction: || (&& (== net461) (>= netstandard1.5)) (== netcoreapp3.1) (== netstandard2.0)
      System.Runtime (>= 4.3) - restriction: || (&& (== net461) (>= netstandard1.5)) (== netcoreapp3.1) (== netstandard2.0)
    System.Runtime.Numerics (4.3) - restriction: || (&& (== net461) (>= net462)) (&& (== net461) (>= netstandard2.0)) (== netcoreapp3.1) (== netstandard2.0)
      System.Globalization (>= 4.3) - restriction: || (&& (== net461) (< net45)) (== netcoreapp3.1) (== netstandard2.0)
      System.Resources.ResourceManager (>= 4.3) - restriction: || (&& (== net461) (< net45)) (== netcoreapp3.1) (== netstandard2.0)
      System.Runtime (>= 4.3) - restriction: || (&& (== net461) (< net45)) (== netcoreapp3.1) (== netstandard2.0)
      System.Runtime.Extensions (>= 4.3) - restriction: || (&& (== net461) (< net45)) (== netcoreapp3.1) (== netstandard2.0)
    System.Runtime.Serialization.Primitives (4.3) - restriction: || (&& (== net461) (< net46) (>= netstandard2.0)) (== netcoreapp3.1) (== netstandard2.0)
      System.Resources.ResourceManager (>= 4.3) - restriction: || (&& (== net461) (< net45)) (== netcoreapp3.1) (== netstandard2.0)
      System.Runtime (>= 4.3) - restriction: || (&& (== net461) (< net45)) (== netcoreapp3.1) (== netstandard2.0)
    System.Security.AccessControl (4.7) - restriction: || (&& (== net461) (>= monoandroid) (>= net462)) (&& (== net461) (>= monoandroid) (>= netstandard2.0)) (&& (== net461) (>= monotouch) (>= net462)) (&& (== net461) (>= monotouch) (>= netstandard2.0)) (&& (== net461) (< net46) (>= net462)) (&& (== net461) (< net46) (>= netstandard2.0)) (&& (== net461) (>= net462) (>= xamarintvos)) (&& (== net461) (>= net462) (>= xamarinwatchos)) (&& (== net461) (>= netcoreapp2.0)) (&& (== net461) (>= netstandard2.0) (>= xamarintvos)) (&& (== net461) (>= netstandard2.0) (>= xamarinwatchos)) (&& (== net461) (>= xamarinios)) (&& (== net461) (>= xamarinmac)) (== netcoreapp3.1) (== netstandard2.0)
      Microsoft.NETCore.Platforms (>= 3.1) - restriction: || (&& (== net461) (>= netcoreapp2.0)) (== netcoreapp3.1) (&& (== netstandard2.0) (>= netcoreapp2.0))
      System.Security.Principal.Windows (>= 4.7)
    System.Security.Cryptography.Algorithms (4.3.1) - restriction: || (&& (== net461) (< net45) (>= net462) (>= netstandard1.6)) (&& (== net461) (< net45) (>= netstandard2.0)) (== netcoreapp3.1) (== netstandard2.0)
      Microsoft.NETCore.Platforms (>= 1.1) - restriction: || (&& (== net461) (< net46) (>= netstandard1.6)) (== netcoreapp3.1) (== netstandard2.0)
      runtime.native.System.Security.Cryptography.Apple (>= 4.3.1) - restriction: || (&& (== net461) (< net46) (>= netstandard1.6)) (== netcoreapp3.1) (== netstandard2.0)
      runtime.native.System.Security.Cryptography.OpenSsl (>= 4.3.2) - restriction: || (&& (== net461) (< net46) (>= netstandard1.6)) (== netcoreapp3.1) (== netstandard2.0)
      System.Collections (>= 4.3) - restriction: || (&& (== net461) (< net46) (>= netstandard1.6)) (== netcoreapp3.1) (== netstandard2.0)
      System.IO (>= 4.3) - restriction: || (&& (== net461) (< net46)) (&& (== net461) (>= net463)) (== netcoreapp3.1) (== netstandard2.0)
      System.Resources.ResourceManager (>= 4.3) - restriction: || (&& (== net461) (< net46) (>= netstandard1.6)) (== netcoreapp3.1) (== netstandard2.0)
      System.Runtime (>= 4.3) - restriction: || (&& (== net461) (< net46)) (&& (== net461) (>= net463)) (== netcoreapp3.1) (== netstandard2.0)
      System.Runtime.Extensions (>= 4.3) - restriction: || (&& (== net461) (< net46) (>= netstandard1.6)) (== netcoreapp3.1) (== netstandard2.0)
      System.Runtime.Handles (>= 4.3) - restriction: || (&& (== net461) (< net46) (>= netstandard1.6)) (== netcoreapp3.1) (== netstandard2.0)
      System.Runtime.InteropServices (>= 4.3) - restriction: || (&& (== net461) (< net46) (>= netstandard1.6)) (== netcoreapp3.1) (== netstandard2.0)
      System.Runtime.Numerics (>= 4.3) - restriction: || (&& (== net461) (< net46) (>= netstandard1.6)) (== netcoreapp3.1) (== netstandard2.0)
      System.Security.Cryptography.Encoding (>= 4.3) - restriction: || (&& (== net461) (< net46) (>= netstandard1.6)) (&& (== net461) (>= net463)) (== netcoreapp3.1) (== netstandard2.0)
      System.Security.Cryptography.Primitives (>= 4.3)
      System.Text.Encoding (>= 4.3) - restriction: || (&& (== net461) (< net46) (>= netstandard1.6)) (== netcoreapp3.1) (== netstandard2.0)
    System.Security.Cryptography.Cng (4.7) - restriction: || (&& (== net461) (< net46) (>= net462) (>= netstandard1.6)) (&& (== net461) (< net46) (>= netstandard2.0)) (== netcoreapp3.1) (== netstandard2.0)
    System.Security.Cryptography.Csp (4.3) - restriction: || (&& (== net461) (< net46) (>= net462) (>= netstandard1.6)) (&& (== net461) (< net46) (>= netstandard2.0)) (== netcoreapp3.1) (== netstandard2.0)
      Microsoft.NETCore.Platforms (>= 1.1) - restriction: || (&& (== net461) (< net46)) (== netcoreapp3.1) (== netstandard2.0)
      System.IO (>= 4.3) - restriction: || (&& (== net461) (< net46)) (== netcoreapp3.1) (== netstandard2.0)
      System.Reflection (>= 4.3) - restriction: || (&& (== net461) (< net46)) (== netcoreapp3.1) (== netstandard2.0)
      System.Resources.ResourceManager (>= 4.3) - restriction: || (&& (== net461) (< net46)) (== netcoreapp3.1) (== netstandard2.0)
      System.Runtime (>= 4.3) - restriction: || (&& (== net461) (< net46)) (== netcoreapp3.1) (== netstandard2.0)
      System.Runtime.Extensions (>= 4.3) - restriction: || (&& (== net461) (< net46)) (== netcoreapp3.1) (== netstandard2.0)
      System.Runtime.Handles (>= 4.3) - restriction: || (&& (== net461) (< net46)) (== netcoreapp3.1) (== netstandard2.0)
      System.Runtime.InteropServices (>= 4.3) - restriction: || (&& (== net461) (< net46)) (== netcoreapp3.1) (== netstandard2.0)
      System.Security.Cryptography.Algorithms (>= 4.3)
      System.Security.Cryptography.Encoding (>= 4.3) - restriction: || (&& (== net461) (< net46)) (== netcoreapp3.1) (== netstandard2.0)
      System.Security.Cryptography.Primitives (>= 4.3)
      System.Text.Encoding (>= 4.3) - restriction: || (&& (== net461) (< net46)) (== netcoreapp3.1) (== netstandard2.0)
      System.Threading (>= 4.3) - restriction: || (&& (== net461) (< net46)) (== netcoreapp3.1) (== netstandard2.0)
    System.Security.Cryptography.Encoding (4.3) - restriction: || (&& (== net461) (< net45) (>= net462)) (&& (== net461) (< net45) (>= netstandard2.0)) (== netcoreapp3.1) (== netstandard2.0)
      Microsoft.NETCore.Platforms (>= 1.1) - restriction: || (&& (== net461) (< net46)) (== netcoreapp3.1) (== netstandard2.0)
      runtime.native.System.Security.Cryptography.OpenSsl (>= 4.3) - restriction: || (&& (== net461) (< net46)) (== netcoreapp3.1) (== netstandard2.0)
      System.Collections (>= 4.3) - restriction: || (&& (== net461) (< net46)) (== netcoreapp3.1) (== netstandard2.0)
      System.Collections.Concurrent (>= 4.3) - restriction: || (&& (== net461) (< net46)) (== netcoreapp3.1) (== netstandard2.0)
      System.Linq (>= 4.3) - restriction: || (&& (== net461) (< net46)) (== netcoreapp3.1) (== netstandard2.0)
      System.Resources.ResourceManager (>= 4.3) - restriction: || (&& (== net461) (< net46)) (== netcoreapp3.1) (== netstandard2.0)
      System.Runtime (>= 4.3) - restriction: || (&& (== net461) (< net46)) (== netcoreapp3.1) (== netstandard2.0)
      System.Runtime.Extensions (>= 4.3) - restriction: || (&& (== net461) (< net46)) (== netcoreapp3.1) (== netstandard2.0)
      System.Runtime.Handles (>= 4.3) - restriction: || (&& (== net461) (< net46)) (== netcoreapp3.1) (== netstandard2.0)
      System.Runtime.InteropServices (>= 4.3) - restriction: || (&& (== net461) (< net46)) (== netcoreapp3.1) (== netstandard2.0)
      System.Security.Cryptography.Primitives (>= 4.3) - restriction: || (&& (== net461) (< net46)) (== netcoreapp3.1) (== netstandard2.0)
      System.Text.Encoding (>= 4.3) - restriction: || (&& (== net461) (< net46)) (== netcoreapp3.1) (== netstandard2.0)
    System.Security.Cryptography.OpenSsl (4.7) - restriction: || (&& (== net461) (< net45) (>= net462) (>= netstandard1.6)) (&& (== net461) (< net45) (>= netstandard2.0)) (== netcoreapp3.1) (== netstandard2.0)
    System.Security.Cryptography.Primitives (4.3) - restriction: || (&& (== net461) (< net45) (>= net462) (>= netstandard1.6)) (&& (== net461) (< net45) (>= netstandard2.0)) (== netcoreapp3.1) (== netstandard2.0)
      System.Diagnostics.Debug (>= 4.3) - restriction: || (&& (== net461) (< net46)) (== netcoreapp3.1) (== netstandard2.0)
      System.Globalization (>= 4.3) - restriction: || (&& (== net461) (< net46)) (== netcoreapp3.1) (== netstandard2.0)
      System.IO (>= 4.3) - restriction: || (&& (== net461) (< net46)) (== netcoreapp3.1) (== netstandard2.0)
      System.Resources.ResourceManager (>= 4.3) - restriction: || (&& (== net461) (< net46)) (== netcoreapp3.1) (== netstandard2.0)
      System.Runtime (>= 4.3) - restriction: || (&& (== net461) (< net46)) (== netcoreapp3.1) (== netstandard2.0)
      System.Threading (>= 4.3) - restriction: || (&& (== net461) (< net46)) (== netcoreapp3.1) (== netstandard2.0)
      System.Threading.Tasks (>= 4.3) - restriction: || (&& (== net461) (< net46)) (== netcoreapp3.1) (== netstandard2.0)
    System.Security.Cryptography.ProtectedData (4.7) - restriction: || (&& (== net461) (>= netstandard2.0)) (== netcoreapp3.1) (== netstandard2.0)
      System.Memory (>= 4.5.3) - restriction: || (&& (== net461) (< net46) (>= netstandard2.0)) (&& (== netcoreapp3.1) (< netcoreapp2.1)) (== netstandard2.0)
    System.Security.Cryptography.X509Certificates (4.3.2) - restriction: || (&& (== net461) (>= net462)) (&& (== net461) (>= netstandard2.0)) (== netcoreapp3.1) (== netstandard2.0)
      Microsoft.NETCore.Platforms (>= 1.1) - restriction: || (&& (== net461) (< net46) (>= netstandard1.6)) (== netcoreapp3.1) (== netstandard2.0)
      runtime.native.System (>= 4.3) - restriction: || (&& (== net461) (< net46) (>= netstandard1.6)) (== netcoreapp3.1) (== netstandard2.0)
      runtime.native.System.Net.Http (>= 4.3) - restriction: || (&& (== net461) (< net46) (>= netstandard1.6)) (== netcoreapp3.1) (== netstandard2.0)
      runtime.native.System.Security.Cryptography.OpenSsl (>= 4.3.2) - restriction: || (&& (== net461) (< net46) (>= netstandard1.6)) (== netcoreapp3.1) (== netstandard2.0)
      System.Collections (>= 4.3) - restriction: || (&& (== net461) (< net46) (>= netstandard1.6)) (== netcoreapp3.1) (== netstandard2.0)
      System.Diagnostics.Debug (>= 4.3) - restriction: || (&& (== net461) (< net46) (>= netstandard1.6)) (== netcoreapp3.1) (== netstandard2.0)
      System.Globalization (>= 4.3) - restriction: || (&& (== net461) (< net46) (>= netstandard1.6)) (== netcoreapp3.1) (== netstandard2.0)
      System.Globalization.Calendars (>= 4.3) - restriction: || (&& (== net461) (< net46) (>= netstandard1.6)) (== netcoreapp3.1) (== netstandard2.0)
      System.IO (>= 4.3) - restriction: || (&& (== net461) (< net46) (>= netstandard1.6)) (== netcoreapp3.1) (== netstandard2.0)
      System.IO.FileSystem (>= 4.3) - restriction: || (&& (== net461) (< net46) (>= netstandard1.6)) (== netcoreapp3.1) (== netstandard2.0)
      System.IO.FileSystem.Primitives (>= 4.3) - restriction: || (&& (== net461) (< net46) (>= netstandard1.6)) (== netcoreapp3.1) (== netstandard2.0)
      System.Resources.ResourceManager (>= 4.3) - restriction: || (&& (== net461) (< net46) (>= netstandard1.6)) (== netcoreapp3.1) (== netstandard2.0)
      System.Runtime (>= 4.3) - restriction: || (&& (== net461) (< net46)) (== netcoreapp3.1) (== netstandard2.0)
      System.Runtime.Extensions (>= 4.3) - restriction: || (&& (== net461) (< net46) (>= netstandard1.6)) (== netcoreapp3.1) (== netstandard2.0)
      System.Runtime.Handles (>= 4.3) - restriction: || (&& (== net461) (< net46)) (== netcoreapp3.1) (== netstandard2.0)
      System.Runtime.InteropServices (>= 4.3) - restriction: || (&& (== net461) (< net46) (>= netstandard1.6)) (== netcoreapp3.1) (== netstandard2.0)
      System.Runtime.Numerics (>= 4.3) - restriction: || (&& (== net461) (< net46) (>= netstandard1.6)) (== netcoreapp3.1) (== netstandard2.0)
      System.Security.Cryptography.Algorithms (>= 4.3)
      System.Security.Cryptography.Cng (>= 4.3) - restriction: || (&& (== net461) (< net46) (>= netstandard1.6)) (== netcoreapp3.1) (== netstandard2.0)
      System.Security.Cryptography.Csp (>= 4.3) - restriction: || (&& (== net461) (< net46) (>= netstandard1.6)) (== netcoreapp3.1) (== netstandard2.0)
      System.Security.Cryptography.Encoding (>= 4.3)
      System.Security.Cryptography.OpenSsl (>= 4.3) - restriction: || (&& (== net461) (< net46) (>= netstandard1.6)) (== netcoreapp3.1) (== netstandard2.0)
      System.Security.Cryptography.Primitives (>= 4.3) - restriction: || (&& (== net461) (< net46) (>= netstandard1.6)) (== netcoreapp3.1) (== netstandard2.0)
      System.Text.Encoding (>= 4.3) - restriction: || (&& (== net461) (< net46) (>= netstandard1.6)) (== netcoreapp3.1) (== netstandard2.0)
      System.Threading (>= 4.3) - restriction: || (&& (== net461) (< net46) (>= netstandard1.6)) (== netcoreapp3.1) (== netstandard2.0)
    System.Security.Principal.Windows (4.7) - restriction: || (&& (== net461) (>= monoandroid) (>= net462)) (&& (== net461) (>= monoandroid) (>= netstandard2.0)) (&& (== net461) (>= monotouch) (>= net462)) (&& (== net461) (>= monotouch) (>= netstandard2.0)) (&& (== net461) (< net46) (>= net462)) (&& (== net461) (< net46) (>= netstandard2.0)) (&& (== net461) (>= net462) (>= xamarintvos)) (&& (== net461) (>= net462) (>= xamarinwatchos)) (&& (== net461) (>= netcoreapp2.0)) (&& (== net461) (>= netcoreapp2.1)) (&& (== net461) (>= netstandard2.0) (>= xamarintvos)) (&& (== net461) (>= netstandard2.0) (>= xamarinwatchos)) (&& (== net461) (>= xamarinios)) (&& (== net461) (>= xamarinmac)) (== netcoreapp3.1) (== netstandard2.0)
    System.Text.Encoding (4.3) - restriction: || (&& (== net461) (< net45) (>= net462)) (&& (== net461) (< net45) (>= netstandard2.0)) (== netcoreapp3.1) (== netstandard2.0)
      Microsoft.NETCore.Platforms (>= 1.1) - restriction: || (&& (== net461) (< net45)) (== netcoreapp3.1) (== netstandard2.0)
      Microsoft.NETCore.Targets (>= 1.1) - restriction: || (&& (== net461) (< net45)) (== netcoreapp3.1) (== netstandard2.0)
      System.Runtime (>= 4.3) - restriction: || (&& (== net461) (< net45)) (== netcoreapp3.1) (== netstandard2.0)
    System.Text.Encoding.CodePages (4.7) - restriction: || (&& (== net461) (< net46) (>= netstandard2.0)) (&& (== net461) (>= netcoreapp2.1)) (== netcoreapp3.1) (== netstandard2.0)
      Microsoft.NETCore.Platforms (>= 3.1) - restriction: || (&& (== net461) (>= netcoreapp2.0)) (== netcoreapp3.1) (&& (== netstandard2.0) (>= netcoreapp2.0))
    System.Text.Encoding.Extensions (4.3) - restriction: || (&& (== net461) (< net45) (>= netstandard2.0)) (== netcoreapp3.1) (== netstandard2.0)
      Microsoft.NETCore.Platforms (>= 1.1) - restriction: || (&& (== net461) (< net45)) (== netcoreapp3.1) (== netstandard2.0)
      Microsoft.NETCore.Targets (>= 1.1) - restriction: || (&& (== net461) (< net45)) (== netcoreapp3.1) (== netstandard2.0)
      System.Runtime (>= 4.3) - restriction: || (&& (== net461) (< net45)) (== netcoreapp3.1) (== netstandard2.0)
      System.Text.Encoding (>= 4.3) - restriction: || (&& (== net461) (< net45)) (== netcoreapp3.1) (== netstandard2.0)
    System.Text.RegularExpressions (4.3.1) - restriction: || (&& (== net461) (< net45) (>= netstandard2.0)) (== netcoreapp3.1) (== netstandard2.0)
      System.Collections (>= 4.3) - restriction: || (&& (== net461) (< net45) (>= netstandard1.6)) (&& (== netcoreapp3.1) (< netcoreapp1.1)) (== netstandard2.0)
      System.Globalization (>= 4.3) - restriction: || (&& (== net461) (< net45) (>= netstandard1.6)) (&& (== netcoreapp3.1) (< netcoreapp1.1)) (== netstandard2.0)
      System.Resources.ResourceManager (>= 4.3) - restriction: || (&& (== net461) (< net45) (>= netstandard1.6)) (&& (== netcoreapp3.1) (< netcoreapp1.1)) (== netstandard2.0)
      System.Runtime (>= 4.3.1) - restriction: || (&& (== net461) (< net45)) (&& (== net461) (>= netcoreapp1.1)) (== netcoreapp3.1) (== netstandard2.0)
      System.Runtime.Extensions (>= 4.3.1) - restriction: || (&& (== net461) (< net45) (>= netstandard1.6)) (&& (== netcoreapp3.1) (< netcoreapp1.1)) (== netstandard2.0)
      System.Threading (>= 4.3) - restriction: || (&& (== net461) (< net45) (>= netstandard1.6)) (&& (== netcoreapp3.1) (< netcoreapp1.1)) (== netstandard2.0)
    System.Threading (4.3) - restriction: || (&& (== net461) (< net45) (>= net462)) (&& (== net461) (< net45) (>= netstandard2.0)) (&& (== net461) (>= netcoreapp2.1)) (== netcoreapp3.1) (== netstandard2.0)
      System.Runtime (>= 4.3) - restriction: || (&& (== net461) (< net45)) (== netcoreapp3.1) (== netstandard2.0)
      System.Threading.Tasks (>= 4.3) - restriction: || (&& (== net461) (< net45)) (== netcoreapp3.1) (== netstandard2.0)
    System.Threading.Overlapped (4.3) - restriction: || (&& (== net461) (< net46) (>= net462)) (&& (== net461) (< net46) (>= netstandard2.0)) (== netcoreapp3.1) (== netstandard2.0)
      Microsoft.NETCore.Platforms (>= 1.1) - restriction: || (&& (== net461) (< net46)) (== netcoreapp3.1) (== netstandard2.0)
      System.Resources.ResourceManager (>= 4.3) - restriction: || (&& (== net461) (< net46)) (== netcoreapp3.1) (== netstandard2.0)
      System.Runtime (>= 4.3) - restriction: || (&& (== net461) (< net46)) (== netcoreapp3.1) (== netstandard2.0)
      System.Runtime.Handles (>= 4.3) - restriction: || (&& (== net461) (< net46)) (== netcoreapp3.1) (== netstandard2.0)
    System.Threading.Tasks (4.3) - restriction: || (&& (== net461) (< net45) (>= net462)) (&& (== net461) (< net45) (>= netstandard2.0)) (== netcoreapp3.1) (== netstandard2.0)
      Microsoft.NETCore.Platforms (>= 1.1) - restriction: || (&& (== net461) (< net45)) (== netcoreapp3.1) (== netstandard2.0)
      Microsoft.NETCore.Targets (>= 1.1) - restriction: || (&& (== net461) (< net45)) (== netcoreapp3.1) (== netstandard2.0)
      System.Runtime (>= 4.3) - restriction: || (&& (== net461) (< net45)) (== netcoreapp3.1) (== netstandard2.0)
    System.Threading.Tasks.Dataflow (4.11) - restriction: || (&& (== net461) (< net46) (>= net472)) (&& (== net461) (< net46) (>= netstandard2.0)) (&& (== net461) (>= netcoreapp2.1)) (== netcoreapp3.1) (== netstandard2.0)
    System.Threading.Tasks.Extensions (4.5.4) - restriction: || (&& (== net461) (>= net462)) (&& (== net461) (>= netstandard2.0)) (== netcoreapp3.1) (== netstandard2.0)
      System.Runtime.CompilerServices.Unsafe (>= 4.5.3) - restriction: || (== net461) (&& (== netcoreapp3.1) (>= net461)) (&& (== netcoreapp3.1) (< netcoreapp2.1)) (&& (== netcoreapp3.1) (< netstandard1.0)) (&& (== netcoreapp3.1) (< netstandard2.0)) (&& (== netcoreapp3.1) (>= wp8)) (== netstandard2.0)
    System.Threading.Thread (4.3) - restriction: || (&& (== net461) (< net46) (>= net462)) (&& (== net461) (< net46) (>= netstandard2.0)) (== netcoreapp3.1) (== netstandard2.0)
      System.Runtime (>= 4.3) - restriction: || (&& (== net461) (< net46)) (== netcoreapp3.1) (== netstandard2.0)
    System.Threading.ThreadPool (4.3) - restriction: || (&& (== net461) (< net46) (>= net462)) (&& (== net461) (< net46) (>= netstandard2.0)) (== netcoreapp3.1) (== netstandard2.0)
      System.Runtime (>= 4.3) - restriction: || (&& (== net461) (< net46)) (== netcoreapp3.1) (== netstandard2.0)
      System.Runtime.Handles (>= 4.3) - restriction: || (&& (== net461) (< net46)) (== netcoreapp3.1) (== netstandard2.0)
    System.Xml.ReaderWriter (4.3.1) - restriction: || (&& (== net461) (>= netstandard2.0)) (== netcoreapp3.1) (== netstandard2.0)
      System.Collections (>= 4.3) - restriction: || (&& (== net461) (< net45)) (== netcoreapp3.1) (== netstandard2.0)
      System.Diagnostics.Debug (>= 4.3) - restriction: || (&& (== net461) (< net45)) (== netcoreapp3.1) (== netstandard2.0)
      System.Globalization (>= 4.3) - restriction: || (&& (== net461) (< net45)) (== netcoreapp3.1) (== netstandard2.0)
      System.IO (>= 4.3) - restriction: || (&& (== net461) (< net45)) (== netcoreapp3.1) (== netstandard2.0)
      System.IO.FileSystem (>= 4.3) - restriction: || (&& (== net461) (< net45)) (== netcoreapp3.1) (== netstandard2.0)
      System.IO.FileSystem.Primitives (>= 4.3) - restriction: || (&& (== net461) (< net45)) (== netcoreapp3.1) (== netstandard2.0)
      System.Resources.ResourceManager (>= 4.3) - restriction: || (&& (== net461) (< net45)) (== netcoreapp3.1) (== netstandard2.0)
      System.Runtime (>= 4.3) - restriction: || (&& (== net461) (< net45)) (== netcoreapp3.1) (== netstandard2.0)
      System.Runtime.Extensions (>= 4.3) - restriction: || (&& (== net461) (< net45)) (== netcoreapp3.1) (== netstandard2.0)
      System.Runtime.InteropServices (>= 4.3) - restriction: || (&& (== net461) (< net45)) (== netcoreapp3.1) (== netstandard2.0)
      System.Text.Encoding (>= 4.3) - restriction: || (&& (== net461) (< net45)) (== netcoreapp3.1) (== netstandard2.0)
      System.Text.Encoding.Extensions (>= 4.3) - restriction: || (&& (== net461) (< net45)) (== netcoreapp3.1) (== netstandard2.0)
      System.Text.RegularExpressions (>= 4.3) - restriction: || (&& (== net461) (< net45)) (== netcoreapp3.1) (== netstandard2.0)
      System.Threading.Tasks (>= 4.3) - restriction: || (&& (== net461) (< net45)) (== netcoreapp3.1) (== netstandard2.0)
      System.Threading.Tasks.Extensions (>= 4.3) - restriction: || (&& (== net461) (< net45)) (== netcoreapp3.1) (== netstandard2.0)
    System.Xml.XDocument (4.3) - restriction: || (&& (== net461) (>= netstandard2.0)) (== netcoreapp3.1) (== netstandard2.0)
      System.Collections (>= 4.3) - restriction: || (&& (== net461) (< net45)) (== netcoreapp3.1) (== netstandard2.0)
      System.Diagnostics.Debug (>= 4.3) - restriction: || (&& (== net461) (< net45)) (== netcoreapp3.1) (== netstandard2.0)
      System.Diagnostics.Tools (>= 4.3) - restriction: || (&& (== net461) (< net45)) (== netcoreapp3.1) (== netstandard2.0)
      System.Globalization (>= 4.3) - restriction: || (&& (== net461) (< net45)) (== netcoreapp3.1) (== netstandard2.0)
      System.IO (>= 4.3) - restriction: || (&& (== net461) (< net45)) (== netcoreapp3.1) (== netstandard2.0)
      System.Reflection (>= 4.3) - restriction: || (&& (== net461) (< net45)) (== netcoreapp3.1) (== netstandard2.0)
      System.Resources.ResourceManager (>= 4.3) - restriction: || (&& (== net461) (< net45)) (== netcoreapp3.1) (== netstandard2.0)
      System.Runtime (>= 4.3) - restriction: || (&& (== net461) (< net45)) (== netcoreapp3.1) (== netstandard2.0)
      System.Runtime.Extensions (>= 4.3) - restriction: || (&& (== net461) (< net45)) (== netcoreapp3.1) (== netstandard2.0)
      System.Text.Encoding (>= 4.3) - restriction: || (&& (== net461) (< net45)) (== netcoreapp3.1) (== netstandard2.0)
      System.Threading (>= 4.3) - restriction: || (&& (== net461) (< net45)) (== netcoreapp3.1) (== netstandard2.0)
      System.Xml.ReaderWriter (>= 4.3) - restriction: || (&& (== net461) (< net45)) (== netcoreapp3.1) (== netstandard2.0)
    System.Xml.XmlDocument (4.3) - restriction: || (&& (== net461) (>= net462)) (&& (== net461) (>= netstandard2.0)) (== netcoreapp3.1) (== netstandard2.0)
      System.Collections (>= 4.3) - restriction: || (&& (== net461) (< net46)) (== netcoreapp3.1) (== netstandard2.0)
      System.Diagnostics.Debug (>= 4.3) - restriction: || (&& (== net461) (< net46)) (== netcoreapp3.1) (== netstandard2.0)
      System.Globalization (>= 4.3) - restriction: || (&& (== net461) (< net46)) (== netcoreapp3.1) (== netstandard2.0)
      System.IO (>= 4.3) - restriction: || (&& (== net461) (< net46)) (== netcoreapp3.1) (== netstandard2.0)
      System.Resources.ResourceManager (>= 4.3) - restriction: || (&& (== net461) (< net46)) (== netcoreapp3.1) (== netstandard2.0)
      System.Runtime (>= 4.3) - restriction: || (&& (== net461) (< net46)) (== netcoreapp3.1) (== netstandard2.0)
      System.Runtime.Extensions (>= 4.3) - restriction: || (&& (== net461) (< net46)) (== netcoreapp3.1) (== netstandard2.0)
      System.Text.Encoding (>= 4.3) - restriction: || (&& (== net461) (< net46)) (== netcoreapp3.1) (== netstandard2.0)
      System.Threading (>= 4.3) - restriction: || (&& (== net461) (< net46)) (== netcoreapp3.1) (== netstandard2.0)
      System.Xml.ReaderWriter (>= 4.3) - restriction: || (&& (== net461) (< net46)) (== netcoreapp3.1) (== netstandard2.0)
    System.Xml.XPath (4.3) - restriction: || (&& (== net461) (>= net462)) (&& (== net461) (>= netstandard2.0)) (== netcoreapp3.1) (== netstandard2.0)
      System.Collections (>= 4.3) - restriction: || (&& (== net461) (< net46)) (== netcoreapp3.1) (== netstandard2.0)
      System.Diagnostics.Debug (>= 4.3) - restriction: || (&& (== net461) (< net46)) (== netcoreapp3.1) (== netstandard2.0)
      System.Globalization (>= 4.3) - restriction: || (&& (== net461) (< net46)) (== netcoreapp3.1) (== netstandard2.0)
      System.IO (>= 4.3) - restriction: || (&& (== net461) (< net46)) (== netcoreapp3.1) (== netstandard2.0)
      System.Resources.ResourceManager (>= 4.3) - restriction: || (&& (== net461) (< net46)) (== netcoreapp3.1) (== netstandard2.0)
      System.Runtime (>= 4.3) - restriction: || (&& (== net461) (< net46)) (== netcoreapp3.1) (== netstandard2.0)
      System.Runtime.Extensions (>= 4.3) - restriction: || (&& (== net461) (< net46)) (== netcoreapp3.1) (== netstandard2.0)
      System.Threading (>= 4.3) - restriction: || (&& (== net461) (< net46)) (== netcoreapp3.1) (== netstandard2.0)
      System.Xml.ReaderWriter (>= 4.3) - restriction: || (&& (== net461) (< net46)) (== netcoreapp3.1) (== netstandard2.0)
    System.Xml.XPath.XDocument (4.3) - restriction: || (&& (== net461) (>= net462)) (&& (== net461) (>= netstandard2.0)) (== netcoreapp3.1) (== netstandard2.0)
      System.Diagnostics.Debug (>= 4.3) - restriction: || (&& (== net461) (< net46)) (== netcoreapp3.1) (== netstandard2.0)
      System.Linq (>= 4.3) - restriction: || (&& (== net461) (< net46)) (== netcoreapp3.1) (== netstandard2.0)
      System.Resources.ResourceManager (>= 4.3) - restriction: || (&& (== net461) (< net46)) (== netcoreapp3.1) (== netstandard2.0)
      System.Runtime (>= 4.3) - restriction: || (&& (== net461) (< net46)) (== netcoreapp3.1) (== netstandard2.0)
      System.Runtime.Extensions (>= 4.3) - restriction: || (&& (== net461) (< net46)) (== netcoreapp3.1) (== netstandard2.0)
      System.Threading (>= 4.3) - restriction: || (&& (== net461) (< net46)) (== netcoreapp3.1) (== netstandard2.0)
      System.Xml.ReaderWriter (>= 4.3) - restriction: || (&& (== net461) (< net46)) (== netcoreapp3.1) (== netstandard2.0)
      System.Xml.XDocument (>= 4.3) - restriction: || (&& (== net461) (< net46)) (== netcoreapp3.1) (== netstandard2.0)
      System.Xml.XPath (>= 4.3)
    System.Xml.XPath.XmlDocument (4.3) - restriction: || (&& (== net461) (>= net462)) (&& (== net461) (>= netstandard2.0)) (== netcoreapp3.1) (== netstandard2.0)
      System.Collections (>= 4.3) - restriction: || (&& (== net461) (< net46)) (== netcoreapp3.1) (== netstandard2.0)
      System.Globalization (>= 4.3) - restriction: || (&& (== net461) (< net46)) (== netcoreapp3.1) (== netstandard2.0)
      System.IO (>= 4.3) - restriction: || (&& (== net461) (< net46)) (== netcoreapp3.1) (== netstandard2.0)
      System.Resources.ResourceManager (>= 4.3) - restriction: || (&& (== net461) (< net46)) (== netcoreapp3.1) (== netstandard2.0)
      System.Runtime (>= 4.3) - restriction: || (&& (== net461) (< net46)) (== netcoreapp3.1) (== netstandard2.0)
      System.Runtime.Extensions (>= 4.3) - restriction: || (&& (== net461) (< net46)) (== netcoreapp3.1) (== netstandard2.0)
      System.Threading (>= 4.3) - restriction: || (&& (== net461) (< net46)) (== netcoreapp3.1) (== netstandard2.0)
      System.Xml.ReaderWriter (>= 4.3) - restriction: || (&& (== net461) (< net46)) (== netcoreapp3.1) (== netstandard2.0)
      System.Xml.XmlDocument (>= 4.3)
      System.Xml.XPath (>= 4.3)
GITHUB
  remote: eiriktsarpalis/snippets
    SlnTools/SlnTools.fs (aedb8f93437634d70afac26576acb88e3a88050d)